RESTRICTION: || (== net8.0) (== netstandard2.1)
NUGET
  remote: https://api.nuget.org/v3/index.json
    Autofac (8.0)
      System.Diagnostics.DiagnosticSource (>= 7.0.2)
    Autofac.Extensions.DependencyInjection (9.0)
      Autofac (>= 8.0)
      Microsoft.Extensions.DependencyInjection.Abstractions (>= 8.0)
    Azure.Core (1.38)
      Microsoft.Bcl.AsyncInterfaces (>= 1.1.1)
      System.ClientModel (>= 1.0)
      System.Diagnostics.DiagnosticSource (>= 6.0.1)
      System.Memory.Data (>= 1.0.2)
      System.Numerics.Vectors (>= 4.5)
      System.Text.Encodings.Web (>= 4.7.2)
      System.Text.Json (>= 4.7.2)
      System.Threading.Tasks.Extensions (>= 4.5.4)
    Azure.Identity (1.10.4)
      Azure.Core (>= 1.36)
      Microsoft.Identity.Client (>= 4.56)
      Microsoft.Identity.Client.Extensions.Msal (>= 4.56)
      System.Memory (>= 4.5.4)
      System.Security.Cryptography.ProtectedData (>= 4.7)
      System.Text.Json (>= 4.7.2)
      System.Threading.Tasks.Extensions (>= 4.5.4)
    Be.Vlaanderen.Basisregisters.Build.Pipeline (7.0.4)
    Be.Vlaanderen.Basisregisters.Converters.Timestamp (4.0)
      Newtonsoft.Json (>= 13.0.3)
    Be.Vlaanderen.Basisregisters.Converters.TrimString (4.0)
      Newtonsoft.Json (>= 13.0.3)
    Be.Vlaanderen.Basisregisters.EventHandling (5.0)
      Be.Vlaanderen.Basisregisters.Converters.TrimString (>= 4.0)
      Newtonsoft.Json (>= 13.0.3)
      NodaTime.Serialization.JsonNet (>= 3.1)
    Be.Vlaanderen.Basisregisters.Generators.Guid.Deterministic (4.0)
    Be.Vlaanderen.Basisregisters.Utilities.HashCodeCalculator (4.0)
    Be.Vlaanderen.Basisregisters.Utilities.HexByteConvertor (4.0)
    Be.Vlaanderen.Basisregisters.Utilities.ToStringBuilder (4.0)
    Castle.Core (5.1.1)
      System.Diagnostics.EventLog (>= 4.7) - restriction: || (&& (== net8.0) (< net6.0)) (&& (== net8.0) (< netstandard2.1)) (== netstandard2.1)
      System.Diagnostics.EventLog (>= 6.0) - restriction: || (== net8.0) (&& (== netstandard2.1) (>= net6.0))
    CompareNETObjects (4.83)
      Microsoft.CSharp (>= 4.7) - restriction: || (&& (== net8.0) (< net6.0)) (== netstandard2.1)
      System.Configuration.ConfigurationManager (>= 8.0) - restriction: || (== net8.0) (&& (== netstandard2.1) (>= net8.0))
      System.Drawing.Common (>= 8.0) - restriction: || (== net8.0) (&& (== netstandard2.1) (>= net8.0))
    Dapper (2.1.35)
      System.Reflection.Emit.Lightweight (>= 4.7) - restriction: || (&& (== net8.0) (< net5.0)) (== netstandard2.1)
    DiffEngine (15.2.2)
      EmptyFiles (>= 8.1.1) - restriction: || (== net8.0) (&& (== netstandard2.1) (>= net472)) (&& (== netstandard2.1) (>= net6.0))
      System.Management (>= 6.0.2) - restriction: || (== net8.0) (&& (== netstandard2.1) (>= net472)) (&& (== netstandard2.1) (>= net6.0))
    EmptyFiles (8.1.1)
    Humanizer.Core (2.14.1) - restriction: || (== net8.0) (&& (== netstandard2.1) (>= net8.0))
    Microsoft.Bcl.AsyncInterfaces (8.0)
    Microsoft.CodeAnalysis.Analyzers (3.3.4) - restriction: || (== net8.0) (&& (== netstandard2.1) (>= net8.0))
    Microsoft.CodeAnalysis.Common (4.9.2) - restriction: || (== net8.0) (&& (== netstandard2.1) (>= net8.0))
      Microsoft.CodeAnalysis.Analyzers (>= 3.3.4)
      System.Collections.Immutable (>= 8.0)
      System.Reflection.Metadata (>= 8.0)
      System.Runtime.CompilerServices.Unsafe (>= 6.0)
    Microsoft.CodeAnalysis.CSharp (4.9.2) - restriction: || (== net8.0) (&& (== netstandard2.1) (>= net8.0))
      Microsoft.CodeAnalysis.Common (4.9.2)
    Microsoft.CodeAnalysis.CSharp.Workspaces (4.9.2) - restriction: || (== net8.0) (&& (== netstandard2.1) (>= net8.0))
      Humanizer.Core (>= 2.14.1)
      Microsoft.CodeAnalysis.Common (4.9.2)
      Microsoft.CodeAnalysis.CSharp (4.9.2)
      Microsoft.CodeAnalysis.Workspaces.Common (4.9.2)
    Microsoft.CodeAnalysis.Workspaces.Common (4.9.2) - restriction: || (== net8.0) (&& (== netstandard2.1) (>= net8.0))
      Humanizer.Core (>= 2.14.1)
      Microsoft.CodeAnalysis.Common (4.9.2)
      System.Composition (>= 8.0)
      System.IO.Pipelines (>= 8.0)
      System.Threading.Channels (>= 8.0)
    Microsoft.CodeCoverage (17.9) - restriction: || (== net8.0) (&& (== netstandard2.1) (>= net462)) (&& (== netstandard2.1) (>= netcoreapp3.1))
    Microsoft.CSharp (4.7)
    Microsoft.Data.SqlClient (5.2)
      Azure.Identity (>= 1.10.3)
      Microsoft.Data.SqlClient.SNI.runtime (>= 5.2)
      Microsoft.Identity.Client (>= 4.56)
      Microsoft.IdentityModel.JsonWebTokens (>= 6.35)
      Microsoft.IdentityModel.Protocols.OpenIdConnect (>= 6.35)
      Microsoft.SqlServer.Server (>= 1.0)
      Microsoft.Win32.Registry (>= 5.0) - restriction: || (&& (== net8.0) (< net6.0)) (&& (== net8.0) (< netstandard2.1)) (== netstandard2.1)
      System.Configuration.ConfigurationManager (>= 6.0.1) - restriction: || (&& (== net8.0) (>= net462)) (&& (== net8.0) (< net6.0)) (&& (== net8.0) (< netstandard2.1)) (== netstandard2.1)
      System.Configuration.ConfigurationManager (>= 8.0) - restriction: || (== net8.0) (&& (== netstandard2.1) (>= net8.0))
      System.Diagnostics.DiagnosticSource (>= 6.0.1) - restriction: || (&& (== net8.0) (< net6.0)) (&& (== net8.0) (< netstandard2.1)) (== netstandard2.1)
      System.Runtime.Caching (>= 6.0) - restriction: || (&& (== net8.0) (< net6.0)) (&& (== net8.0) (< netstandard2.1)) (== netstandard2.1)
      System.Runtime.Caching (>= 8.0) - restriction: || (== net8.0) (&& (== netstandard2.1) (>= net8.0))
      System.Runtime.Loader (>= 4.3) - restriction: || (&& (== net8.0) (< net6.0)) (&& (== net8.0) (< netstandard2.1)) (== netstandard2.1)
      System.Security.Cryptography.Cng (>= 5.0) - restriction: || (&& (== net8.0) (< net6.0)) (&& (== net8.0) (< netstandard2.1)) (== netstandard2.1)
      System.Security.Principal.Windows (>= 5.0) - restriction: || (&& (== net8.0) (< net6.0)) (&& (== net8.0) (< netstandard2.1)) (== netstandard2.1)
      System.Text.Encoding.CodePages (>= 6.0) - restriction: || (&& (== net8.0) (< net6.0)) (&& (== net8.0) (< netstandard2.1)) (== netstandard2.1)
      System.Text.Encodings.Web (>= 6.0) - restriction: || (&& (== net8.0) (>= net462)) (&& (== net8.0) (< net6.0)) (&& (== net8.0) (< netstandard2.1)) (== netstandard2.1)
    Microsoft.Data.SqlClient.SNI.runtime (5.2)
    Microsoft.EntityFrameworkCore (8.0.2)
      Microsoft.EntityFrameworkCore.Abstractions (>= 8.0.2) - restriction: || (== net8.0) (&& (== netstandard2.1) (>= net8.0))
      Microsoft.EntityFrameworkCore.Analyzers (>= 8.0.2) - restriction: || (== net8.0) (&& (== netstandard2.1) (>= net8.0))
      Microsoft.Extensions.Caching.Memory (>= 8.0) - restriction: || (== net8.0) (&& (== netstandard2.1) (>= net8.0))
      Microsoft.Extensions.Logging (>= 8.0) - restriction: || (== net8.0) (&& (== netstandard2.1) (>= net8.0))
    Microsoft.EntityFrameworkCore.Abstractions (8.0.2) - restriction: || (== net8.0) (&& (== netstandard2.1) (>= net8.0))
    Microsoft.EntityFrameworkCore.Analyzers (8.0.2) - restriction: || (== net8.0) (&& (== netstandard2.1) (>= net8.0))
    Microsoft.EntityFrameworkCore.Design (8.0.2)
      Humanizer.Core (>= 2.14.1) - restriction: || (== net8.0) (&& (== netstandard2.1) (>= net8.0))
      Microsoft.CodeAnalysis.CSharp.Workspaces (>= 4.5) - restriction: || (== net8.0) (&& (== netstandard2.1) (>= net8.0))
      Microsoft.EntityFrameworkCore.Relational (>= 8.0.2) - restriction: || (== net8.0) (&& (== netstandard2.1) (>= net8.0))
      Microsoft.Extensions.DependencyModel (>= 8.0) - restriction: || (== net8.0) (&& (== netstandard2.1) (>= net8.0))
      Mono.TextTemplating (>= 2.2.1) - restriction: || (== net8.0) (&& (== netstandard2.1) (>= net8.0))
    Microsoft.EntityFrameworkCore.InMemory (8.0.2)
      Microsoft.EntityFrameworkCore (>= 8.0.2) - restriction: || (== net8.0) (&& (== netstandard2.1) (>= net8.0))
    Microsoft.EntityFrameworkCore.Relational (8.0.2) - restriction: || (== net8.0) (&& (== netstandard2.1) (>= net8.0))
      Microsoft.EntityFrameworkCore (>= 8.0.2) - restriction: || (== net8.0) (&& (== netstandard2.1) (>= net8.0))
      Microsoft.Extensions.Configuration.Abstractions (>= 8.0) - restriction: || (== net8.0) (&& (== netstandard2.1) (>= net8.0))
    Microsoft.EntityFrameworkCore.SqlServer (8.0.2)
      Microsoft.Data.SqlClient (>= 5.1.4) - restriction: || (== net8.0) (&& (== netstandard2.1) (>= net8.0))
      Microsoft.EntityFrameworkCore.Relational (>= 8.0.2) - restriction: || (== net8.0) (&& (== netstandard2.1) (>= net8.0))
    Microsoft.Extensions.Caching.Abstractions (8.0) - restriction: || (== net8.0) (&& (== netstandard2.1) (>= net8.0))
      Microsoft.Extensions.Primitives (>= 8.0)
    Microsoft.Extensions.Caching.Memory (8.0) - restriction: || (== net8.0) (&& (== netstandard2.1) (>= net8.0))
      Microsoft.Extensions.Caching.Abstractions (>= 8.0)
      Microsoft.Extensions.DependencyInjection.Abstractions (>= 8.0)
      Microsoft.Extensions.Logging.Abstractions (>= 8.0)
      Microsoft.Extensions.Options (>= 8.0)
      Microsoft.Extensions.Primitives (>= 8.0)
    Microsoft.Extensions.Configuration (8.0)
      Microsoft.Extensions.Configuration.Abstractions (>= 8.0)
      Microsoft.Extensions.Primitives (>= 8.0)
    Microsoft.Extensions.Configuration.Abstractions (8.0)
      Microsoft.Extensions.Primitives (>= 8.0)
    Microsoft.Extensions.Configuration.Binder (8.0.1)
      Microsoft.Extensions.Configuration.Abstractions (>= 8.0)
    Microsoft.Extensions.Configuration.CommandLine (8.0)
      Microsoft.Extensions.Configuration (>= 8.0)
      Microsoft.Extensions.Configuration.Abstractions (>= 8.0)
    Microsoft.Extensions.Configuration.EnvironmentVariables (8.0)
      Microsoft.Extensions.Configuration (>= 8.0)
      Microsoft.Extensions.Configuration.Abstractions (>= 8.0)
    Microsoft.Extensions.Configuration.FileExtensions (8.0)
      Microsoft.Extensions.Configuration (>= 8.0)
      Microsoft.Extensions.Configuration.Abstractions (>= 8.0)
      Microsoft.Extensions.FileProviders.Abstractions (>= 8.0)
      Microsoft.Extensions.FileProviders.Physical (>= 8.0)
      Microsoft.Extensions.Primitives (>= 8.0)
    Microsoft.Extensions.Configuration.Json (8.0)
      Microsoft.Extensions.Configuration (>= 8.0)
      Microsoft.Extensions.Configuration.Abstractions (>= 8.0)
      Microsoft.Extensions.Configuration.FileExtensions (>= 8.0)
      Microsoft.Extensions.FileProviders.Abstractions (>= 8.0)
      System.Text.Json (>= 8.0)
    Microsoft.Extensions.Configuration.UserSecrets (8.0)
      Microsoft.Extensions.Configuration.Abstractions (>= 8.0)
      Microsoft.Extensions.Configuration.Json (>= 8.0)
      Microsoft.Extensions.FileProviders.Abstractions (>= 8.0)
      Microsoft.Extensions.FileProviders.Physical (>= 8.0)
    Microsoft.Extensions.DependencyInjection (8.0)
      Microsoft.Extensions.DependencyInjection.Abstractions (>= 8.0)
    Microsoft.Extensions.DependencyInjection.Abstractions (8.0)
    Microsoft.Extensions.DependencyModel (8.0) - restriction: || (== net8.0) (&& (== netstandard2.1) (>= net8.0))
      System.Text.Encodings.Web (>= 8.0)
      System.Text.Json (>= 8.0)
    Microsoft.Extensions.Diagnostics (8.0)
      Microsoft.Extensions.Configuration (>= 8.0)
      Microsoft.Extensions.Diagnostics.Abstractions (>= 8.0)
      Microsoft.Extensions.Options.ConfigurationExtensions (>= 8.0)
    Microsoft.Extensions.Diagnostics.Abstractions (8.0)
      Microsoft.Extensions.DependencyInjection.Abstractions (>= 8.0)
      Microsoft.Extensions.Options (>= 8.0)
      System.Buffers (>= 4.5.1) - restriction: || (&& (== net8.0) (>= net462)) (&& (== net8.0) (< net6.0)) (== netstandard2.1)
      System.Diagnostics.DiagnosticSource (>= 8.0)
      System.Memory (>= 4.5.5) - restriction: || (&& (== net8.0) (>= net462)) (&& (== net8.0) (< net6.0)) (== netstandard2.1)
    Microsoft.Extensions.FileProviders.Abstractions (8.0)
      Microsoft.Extensions.Primitives (>= 8.0)
    Microsoft.Extensions.FileProviders.Physical (8.0)
      Microsoft.Extensions.FileProviders.Abstractions (>= 8.0)
      Microsoft.Extensions.FileSystemGlobbing (>= 8.0)
      Microsoft.Extensions.Primitives (>= 8.0)
    Microsoft.Extensions.FileSystemGlobbing (8.0)
    Microsoft.Extensions.Hosting (8.0)
      Microsoft.Extensions.Configuration (>= 8.0)
      Microsoft.Extensions.Configuration.Abstractions (>= 8.0)
      Microsoft.Extensions.Configuration.Binder (>= 8.0)
      Microsoft.Extensions.Configuration.CommandLine (>= 8.0)
      Microsoft.Extensions.Configuration.EnvironmentVariables (>= 8.0)
      Microsoft.Extensions.Configuration.FileExtensions (>= 8.0)
      Microsoft.Extensions.Configuration.Json (>= 8.0)
      Microsoft.Extensions.Configuration.UserSecrets (>= 8.0)
      Microsoft.Extensions.DependencyInjection (>= 8.0)
      Microsoft.Extensions.DependencyInjection.Abstractions (>= 8.0)
      Microsoft.Extensions.Diagnostics (>= 8.0)
      Microsoft.Extensions.FileProviders.Abstractions (>= 8.0)
      Microsoft.Extensions.FileProviders.Physical (>= 8.0)
      Microsoft.Extensions.Hosting.Abstractions (>= 8.0)
      Microsoft.Extensions.Logging (>= 8.0)
      Microsoft.Extensions.Logging.Abstractions (>= 8.0)
      Microsoft.Extensions.Logging.Configuration (>= 8.0)
      Microsoft.Extensions.Logging.Console (>= 8.0)
      Microsoft.Extensions.Logging.Debug (>= 8.0)
      Microsoft.Extensions.Logging.EventLog (>= 8.0)
      Microsoft.Extensions.Logging.EventSource (>= 8.0)
      Microsoft.Extensions.Options (>= 8.0)
    Microsoft.Extensions.Hosting.Abstractions (8.0)
      Microsoft.Extensions.Configuration.Abstractions (>= 8.0)
      Microsoft.Extensions.DependencyInjection.Abstractions (>= 8.0)
      Microsoft.Extensions.Diagnostics.Abstractions (>= 8.0)
      Microsoft.Extensions.FileProviders.Abstractions (>= 8.0)
      Microsoft.Extensions.Logging.Abstractions (>= 8.0)
    Microsoft.Extensions.Logging (8.0)
      Microsoft.Extensions.DependencyInjection (>= 8.0)
      Microsoft.Extensions.Logging.Abstractions (>= 8.0)
      Microsoft.Extensions.Options (>= 8.0)
      System.Diagnostics.DiagnosticSource (>= 8.0) - restriction: || (&& (== net8.0) (>= net462)) (&& (== net8.0) (< net6.0)) (&& (== net8.0) (< netstandard2.1)) (== netstandard2.1)
    Microsoft.Extensions.Logging.Abstractions (8.0)
      Microsoft.Extensions.DependencyInjection.Abstractions (>= 8.0)
      System.Buffers (>= 4.5.1) - restriction: || (&& (== net8.0) (>= net462)) (&& (== net8.0) (< net6.0)) (== netstandard2.1)
      System.Memory (>= 4.5.5) - restriction: || (&& (== net8.0) (>= net462)) (&& (== net8.0) (< net6.0)) (== netstandard2.1)
    Microsoft.Extensions.Logging.Configuration (8.0)
      Microsoft.Extensions.Configuration (>= 8.0)
      Microsoft.Extensions.Configuration.Abstractions (>= 8.0)
      Microsoft.Extensions.Configuration.Binder (>= 8.0)
      Microsoft.Extensions.DependencyInjection.Abstractions (>= 8.0)
      Microsoft.Extensions.Logging (>= 8.0)
      Microsoft.Extensions.Logging.Abstractions (>= 8.0)
      Microsoft.Extensions.Options (>= 8.0)
      Microsoft.Extensions.Options.ConfigurationExtensions (>= 8.0)
    Microsoft.Extensions.Logging.Console (8.0)
      Microsoft.Bcl.AsyncInterfaces (>= 8.0) - restriction: || (&& (== net8.0) (>= net462)) (&& (== net8.0) (< net6.0)) (== netstandard2.1)
      Microsoft.Extensions.DependencyInjection.Abstractions (>= 8.0)
      Microsoft.Extensions.Logging (>= 8.0)
      Microsoft.Extensions.Logging.Abstractions (>= 8.0)
      Microsoft.Extensions.Logging.Configuration (>= 8.0)
      Microsoft.Extensions.Options (>= 8.0)
      System.Buffers (>= 4.5.1) - restriction: || (&& (== net8.0) (>= net462)) (&& (== net8.0) (< net6.0)) (== netstandard2.1)
      System.Text.Json (>= 8.0)
    Microsoft.Extensions.Logging.Debug (8.0)
      Microsoft.Extensions.DependencyInjection.Abstractions (>= 8.0)
      Microsoft.Extensions.Logging (>= 8.0)
      Microsoft.Extensions.Logging.Abstractions (>= 8.0)
    Microsoft.Extensions.Logging.EventLog (8.0)
      Microsoft.Extensions.DependencyInjection.Abstractions (>= 8.0)
      Microsoft.Extensions.Logging (>= 8.0)
      Microsoft.Extensions.Logging.Abstractions (>= 8.0)
      Microsoft.Extensions.Options (>= 8.0)
      System.Diagnostics.EventLog (>= 8.0)
    Microsoft.Extensions.Logging.EventSource (8.0)
      Microsoft.Bcl.AsyncInterfaces (>= 8.0) - restriction: || (&& (== net8.0) (>= net462)) (&& (== net8.0) (< net6.0)) (== netstandard2.1)
      Microsoft.Extensions.DependencyInjection.Abstractions (>= 8.0)
      Microsoft.Extensions.Logging (>= 8.0)
      Microsoft.Extensions.Logging.Abstractions (>= 8.0)
      Microsoft.Extensions.Options (>= 8.0)
      Microsoft.Extensions.Primitives (>= 8.0)
      System.Memory (>= 4.5.5) - restriction: || (&& (== net8.0) (>= net462)) (&& (== net8.0) (< net6.0)) (== netstandard2.1)
      System.Runtime.CompilerServices.Unsafe (>= 6.0) - restriction: || (&& (== net8.0) (>= net462)) (&& (== net8.0) (< net6.0)) (&& (== net8.0) (< net7.0)) (== netstandard2.1)
      System.Text.Json (>= 8.0)
    Microsoft.Extensions.Options (8.0.2)
      Microsoft.Extensions.DependencyInjection.Abstractions (>= 8.0)
      Microsoft.Extensions.Primitives (>= 8.0)
      System.ComponentModel.Annotations (>= 5.0) - restriction: || (&& (== net8.0) (< net6.0)) (&& (== net8.0) (< netstandard2.1)) (== netstandard2.1)
    Microsoft.Extensions.Options.ConfigurationExtensions (8.0)
      Microsoft.Extensions.Configuration.Abstractions (>= 8.0)
      Microsoft.Extensions.Configuration.Binder (>= 8.0)
      Microsoft.Extensions.DependencyInjection.Abstractions (>= 8.0)
      Microsoft.Extensions.Options (>= 8.0)
      Microsoft.Extensions.Primitives (>= 8.0)
    Microsoft.Extensions.Primitives (8.0)
      System.Memory (>= 4.5.5) - restriction: || (&& (== net8.0) (>= net462)) (&& (== net8.0) (< net6.0)) (== netstandard2.1)
      System.Runtime.CompilerServices.Unsafe (>= 6.0) - restriction: || (&& (== net8.0) (>= net462)) (&& (== net8.0) (< net6.0)) (&& (== net8.0) (< net7.0)) (== netstandard2.1)
    Microsoft.Identity.Client (4.59)
      Microsoft.IdentityModel.Abstractions (>= 6.22)
      System.Diagnostics.DiagnosticSource (>= 6.0.1)
    Microsoft.Identity.Client.Extensions.Msal (4.59)
      Microsoft.Identity.Client (>= 4.59)
      System.IO.FileSystem.AccessControl (>= 5.0)
      System.Security.Cryptography.ProtectedData (>= 4.5)
    Microsoft.IdentityModel.Abstractions (7.4)
    Microsoft.IdentityModel.JsonWebTokens (7.4)
      Microsoft.IdentityModel.Tokens (>= 7.4)
      System.Text.Encodings.Web (>= 4.7.2) - restriction: || (&& (== net8.0) (>= net461) (< netstandard2.0)) (&& (== net8.0) (>= net462)) (&& (== net8.0) (< net6.0)) (== netstandard2.1)
      System.Text.Json (>= 4.7.2) - restriction: || (&& (== net8.0) (>= net461) (< netstandard2.0)) (&& (== net8.0) (>= net462)) (&& (== net8.0) (< net6.0)) (== netstandard2.1)
    Microsoft.IdentityModel.Logging (7.4)
      Microsoft.IdentityModel.Abstractions (>= 7.4)
    Microsoft.IdentityModel.Protocols (7.4)
      Microsoft.IdentityModel.Logging (>= 7.4)
      Microsoft.IdentityModel.Tokens (>= 7.4)
    Microsoft.IdentityModel.Protocols.OpenIdConnect (7.4)
      Microsoft.IdentityModel.Protocols (>= 7.4)
      System.IdentityModel.Tokens.Jwt (>= 7.4)
      System.Text.Encodings.Web (>= 4.7.2) - restriction: || (&& (== net8.0) (>= net461) (< netstandard2.0)) (&& (== net8.0) (>= net462)) (&& (== net8.0) (< net6.0)) (== netstandard2.1)
      System.Text.Json (>= 4.7.2) - restriction: || (&& (== net8.0) (>= net461) (< netstandard2.0)) (&& (== net8.0) (>= net462)) (&& (== net8.0) (< net6.0)) (== netstandard2.1)
    Microsoft.IdentityModel.Tokens (7.4)
      Microsoft.CSharp (>= 4.5) - restriction: || (&& (== net8.0) (< net6.0)) (== netstandard2.1)
      Microsoft.IdentityModel.Logging (>= 7.4)
      System.Security.Cryptography.Cng (>= 4.5) - restriction: || (&& (== net8.0) (< net6.0)) (== netstandard2.1)
      System.Text.Encodings.Web (>= 4.7.2) - restriction: || (&& (== net8.0) (>= net461) (< netstandard2.0)) (&& (== net8.0) (>= net462)) (&& (== net8.0) (< net6.0)) (== netstandard2.1)
      System.Text.Json (>= 4.7.2) - restriction: || (&& (== net8.0) (>= net461) (< netstandard2.0)) (&& (== net8.0) (>= net462)) (&& (== net8.0) (< net6.0)) (== netstandard2.1)
    Microsoft.NET.Test.Sdk (17.9)
      Microsoft.CodeCoverage (>= 17.9) - restriction: || (== net8.0) (&& (== netstandard2.1) (>= net462)) (&& (== netstandard2.1) (>= netcoreapp3.1))
      Microsoft.TestPlatform.TestHost (>= 17.9) - restriction: || (== net8.0) (&& (== netstandard2.1) (>= netcoreapp3.1))
    Microsoft.NETCore.Platforms (7.0.4) - restriction: || (&& (== net8.0) (< net6.0)) (&& (== net8.0) (< netstandard1.2)) (&& (== net8.0) (< netstandard1.3)) (&& (== net8.0) (< netstandard1.5)) (&& (== net8.0) (< netstandard2.1)) (== netstandard2.1)
    Microsoft.NETCore.Targets (5.0) - restriction: || (&& (== net8.0) (< net6.0)) (&& (== net8.0) (< netstandard1.2)) (&& (== net8.0) (< netstandard1.3)) (&& (== net8.0) (< netstandard1.5)) (&& (== net8.0) (< netstandard2.1)) (== netstandard2.1)
    Microsoft.SqlServer.Server (1.0)
    Microsoft.TestPlatform.ObjectModel (17.9) - restriction: || (== net8.0) (&& (== netstandard2.1) (>= netcoreapp3.1))
      System.Reflection.Metadata (>= 1.6)
    Microsoft.TestPlatform.TestHost (17.9) - restriction: || (== net8.0) (&& (== netstandard2.1) (>= netcoreapp3.1))
      Microsoft.TestPlatform.ObjectModel (>= 17.9) - restriction: || (== net8.0) (&& (== netstandard2.1) (>= netcoreapp3.1))
      Newtonsoft.Json (>= 13.0.1) - restriction: || (== net8.0) (&& (== netstandard2.1) (>= netcoreapp3.1))
    Microsoft.VisualStudio.UnitTesting (11.0.50727.1)
    Microsoft.Win32.Registry (5.0) - restriction: || (&& (== net8.0) (< net6.0)) (&& (== net8.0) (< netstandard2.1)) (== netstandard2.1)
      System.Buffers (>= 4.5.1) - restriction: || (&& (== net8.0) (>= monoandroid) (< netstandard1.3)) (&& (== net8.0) (>= monotouch)) (&& (== net8.0) (< netcoreapp2.0)) (&& (== net8.0) (>= xamarinios)) (&& (== net8.0) (>= xamarinmac)) (&& (== net8.0) (>= xamarintvos)) (&& (== net8.0) (>= xamarinwatchos)) (== netstandard2.1)
      System.Memory (>= 4.5.4) - restriction: || (&& (== net8.0) (< netcoreapp2.0)) (&& (== net8.0) (< netcoreapp2.1)) (&& (== net8.0) (>= uap10.1)) (== netstandard2.1)
      System.Security.AccessControl (>= 5.0)
      System.Security.Principal.Windows (>= 5.0)
    Microsoft.Win32.SystemEvents (8.0) - restriction: || (== net8.0) (&& (== netstandard2.1) (>= net8.0))
    Mono.TextTemplating (2.3.1) - restriction: || (== net8.0) (&& (== netstandard2.1) (>= net8.0))
      System.CodeDom (>= 5.0)
    Moq (4.20.70)
      Castle.Core (>= 5.1.1)
    Newtonsoft.Json (13.0.3)
    NodaTime (3.1.11)
      System.Runtime.CompilerServices.Unsafe (>= 4.7.1)
    NodaTime.Serialization.JsonNet (3.1)
      Newtonsoft.Json (>= 13.0.3)
      NodaTime (>= 3.0 < 4.0)
    NUnit (4.1)
    NUnit3TestAdapter (4.5)
    Shouldly (4.2.1)
      DiffEngine (>= 11.3)
      EmptyFiles (>= 4.4)
      Microsoft.CSharp (>= 4.7) - restriction: || (&& (== net8.0) (< net5.0)) (== netstandard2.1)
    SourceLink.Copy.PdbFiles (2.8.3) - copy_local: true
    SourceLink.Embed.AllSourceFiles (2.8.3) - copy_local: true
    SqlStreamStore (1.2)
      Microsoft.CSharp (>= 4.7)
    SqlStreamStore.MsSql (1.2)
      Microsoft.Data.SqlClient (>= 1.1)
      SqlStreamStore (>= 1.2)
    System.Buffers (4.5.1) - restriction: || (&& (== net8.0) (>= net462)) (&& (== net8.0) (< net6.0)) (== netstandard2.1)
    System.ClientModel (1.0)
      System.Memory.Data (>= 1.0.2)
      System.Text.Json (>= 4.7.2)
    System.CodeDom (8.0) - restriction: || (== net8.0) (&& (== netstandard2.1) (>= net472)) (&& (== netstandard2.1) (>= net6.0))
    System.Collections.Immutable (8.0)
      System.Memory (>= 4.5.5) - restriction: || (&& (== net8.0) (>= net462)) (&& (== net8.0) (< net6.0)) (== netstandard2.1)
      System.Runtime.CompilerServices.Unsafe (>= 6.0) - restriction: || (&& (== net8.0) (>= net462)) (&& (== net8.0) (< net6.0)) (&& (== net8.0) (< net7.0)) (== netstandard2.1)
    System.ComponentModel.Annotations (5.0) - restriction: || (&& (== net8.0) (< net6.0)) (&& (== net8.0) (< netstandard2.1)) (== netstandard2.1)
    System.Composition (8.0) - restriction: || (== net8.0) (&& (== netstandard2.1) (>= net8.0))
      System.Composition.AttributedModel (>= 8.0)
      System.Composition.Convention (>= 8.0)
      System.Composition.Hosting (>= 8.0)
      System.Composition.Runtime (>= 8.0)
      System.Composition.TypedParts (>= 8.0)
    System.Composition.AttributedModel (8.0) - restriction: || (== net8.0) (&& (== netstandard2.1) (>= net8.0))
    System.Composition.Convention (8.0) - restriction: || (== net8.0) (&& (== netstandard2.1) (>= net8.0))
      System.Composition.AttributedModel (>= 8.0)
    System.Composition.Hosting (8.0) - restriction: || (== net8.0) (&& (== netstandard2.1) (>= net8.0))
      System.Composition.Runtime (>= 8.0)
    System.Composition.Runtime (8.0) - restriction: || (== net8.0) (&& (== netstandard2.1) (>= net8.0))
    System.Composition.TypedParts (8.0) - restriction: || (== net8.0) (&& (== netstandard2.1) (>= net8.0))
      System.Composition.AttributedModel (>= 8.0)
      System.Composition.Hosting (>= 8.0)
      System.Composition.Runtime (>= 8.0)
    System.Configuration.ConfigurationManager (8.0)
      System.Diagnostics.EventLog (>= 8.0) - restriction: || (== net8.0) (&& (== netstandard2.1) (>= net7.0))
      System.Security.Cryptography.ProtectedData (>= 8.0)
    System.Diagnostics.DiagnosticSource (8.0)
      System.Memory (>= 4.5.5) - restriction: || (&& (== net8.0) (>= net462)) (&& (== net8.0) (< net6.0)) (== netstandard2.1)
      System.Runtime.CompilerServices.Unsafe (>= 6.0) - restriction: || (&& (== net8.0) (>= net462)) (&& (== net8.0) (< net6.0)) (&& (== net8.0) (< net7.0)) (== netstandard2.1)
    System.Diagnostics.EventLog (8.0)
      System.Security.Principal.Windows (>= 5.0) - restriction: || (&& (== net8.0) (>= net462)) (&& (== net8.0) (< net6.0)) (== netstandard2.1)
    System.Drawing.Common (8.0.2) - restriction: || (== net8.0) (&& (== netstandard2.1) (>= net8.0))
      Microsoft.Win32.SystemEvents (>= 8.0) - restriction: || (== net8.0) (&& (== netstandard2.1) (>= net6.0))
    System.IdentityModel.Tokens.Jwt (7.4)
      Microsoft.IdentityModel.JsonWebTokens (>= 7.4)
      Microsoft.IdentityModel.Tokens (>= 7.4)
    System.IO (4.3) - restriction: || (&& (== net8.0) (< net6.0)) (&& (== net8.0) (< netstandard2.1)) (== netstandard2.1)
      Microsoft.NETCore.Platforms (>= 1.1)
      Microsoft.NETCore.Targets (>= 1.1)
      System.Runtime (>= 4.3)
      System.Text.Encoding (>= 4.3)
      System.Threading.Tasks (>= 4.3)
    System.IO.FileSystem.AccessControl (5.0)
      System.Buffers (>= 4.5.1) - restriction: || (&& (== net8.0) (>= monoandroid) (< netstandard1.3)) (&& (== net8.0) (>= monotouch)) (&& (== net8.0) (< netcoreapp2.0)) (&& (== net8.0) (>= xamarinios)) (&& (== net8.0) (>= xamarinmac)) (&& (== net8.0) (>= xamarintvos)) (&& (== net8.0) (>= xamarinwatchos)) (== netstandard2.1)
      System.Memory (>= 4.5.4) - restriction: || (&& (== net8.0) (< netcoreapp2.0)) (&& (== net8.0) (< netcoreapp2.1)) (&& (== net8.0) (>= uap10.1)) (== netstandard2.1)
      System.Security.AccessControl (>= 5.0)
      System.Security.Principal.Windows (>= 5.0)
    System.IO.Pipelines (8.0) - restriction: || (== net8.0) (&& (== netstandard2.1) (>= net8.0))
    System.Management (8.0) - restriction: || (== net8.0) (&& (== netstandard2.1) (>= net472)) (&& (== netstandard2.1) (>= net6.0))
      System.CodeDom (>= 8.0)
    System.Memory (4.5.5)
      System.Buffers (>= 4.5.1) - restriction: || (&& (== net8.0) (>= monotouch)) (&& (== net8.0) (>= net461)) (&& (== net8.0) (< netcoreapp2.0)) (&& (== net8.0) (< netstandard1.1)) (&& (== net8.0) (< netstandard2.0)) (&& (== net8.0) (>= xamarinios)) (&& (== net8.0) (>= xamarinmac)) (&& (== net8.0) (>= xamarintvos)) (&& (== net8.0) (>= xamarinwatchos)) (== netstandard2.1)
      System.Numerics.Vectors (>= 4.4) - restriction: || (&& (== net8.0) (< netcoreapp2.0)) (== netstandard2.1)
      System.Runtime.CompilerServices.Unsafe (>= 4.5.3) - restriction: || (&& (== net8.0) (>= monotouch)) (&& (== net8.0) (>= net461)) (&& (== net8.0) (< netcoreapp2.0)) (&& (== net8.0) (< netcoreapp2.1)) (&& (== net8.0) (< netstandard1.1)) (&& (== net8.0) (< netstandard2.0)) (&& (== net8.0) (>= uap10.1)) (&& (== net8.0) (>= xamarinios)) (&& (== net8.0) (>= xamarinmac)) (&& (== net8.0) (>= xamarintvos)) (&& (== net8.0) (>= xamarinwatchos)) (== netstandard2.1)
    System.Memory.Data (8.0)
      System.Memory (>= 4.5.5) - restriction: || (&& (== net8.0) (>= net462)) (&& (== net8.0) (< net6.0)) (== netstandard2.1)
      System.Text.Json (>= 8.0)
    System.Numerics.Vectors (4.5)
    System.Reflection (4.3) - restriction: || (&& (== net8.0) (< net6.0)) (&& (== net8.0) (< netstandard2.1)) (== netstandard2.1)
      Microsoft.NETCore.Platforms (>= 1.1)
      Microsoft.NETCore.Targets (>= 1.1)
      System.IO (>= 4.3)
      System.Reflection.Primitives (>= 4.3)
      System.Runtime (>= 4.3)
    System.Reflection.Emit.Lightweight (4.7) - restriction: || (&& (== net8.0) (< net5.0)) (== netstandard2.1)
    System.Reflection.Metadata (8.0) - restriction: || (== net8.0) (&& (== netstandard2.1) (>= net8.0))
      System.Collections.Immutable (>= 8.0)
    System.Reflection.Primitives (4.3) - restriction: || (&& (== net8.0) (< net6.0)) (&& (== net8.0) (< netstandard1.3)) (&& (== net8.0) (< netstandard1.5)) (&& (== net8.0) (< netstandard2.1)) (== netstandard2.1)
      Microsoft.NETCore.Platforms (>= 1.1)
      Microsoft.NETCore.Targets (>= 1.1)
      System.Runtime (>= 4.3)
    System.Runtime (4.3.1) - restriction: || (&& (== net8.0) (< net6.0)) (&& (== net8.0) (< netstandard2.1)) (== netstandard2.1)
      Microsoft.NETCore.Platforms (>= 1.1.1)
      Microsoft.NETCore.Targets (>= 1.1.3)
    System.Runtime.Caching (8.0)
      System.Configuration.ConfigurationManager (>= 8.0)
    System.Runtime.CompilerServices.Unsafe (6.0)
    System.Runtime.Loader (4.3) - restriction: || (&& (== net8.0) (< net6.0)) (&& (== net8.0) (< netstandard2.1)) (== netstandard2.1)
      System.IO (>= 4.3)
      System.Reflection (>= 4.3)
      System.Runtime (>= 4.3)
    System.Security.AccessControl (6.0)
      System.Security.Principal.Windows (>= 5.0) - restriction: || (&& (== net8.0) (>= net461)) (&& (== net8.0) (< net6.0)) (== netstandard2.1)
    System.Security.Cryptography.Cng (5.0) - restriction: || (&& (== net8.0) (< net6.0)) (&& (== net8.0) (< netstandard2.1)) (== netstandard2.1)
    System.Security.Cryptography.ProtectedData (8.0)
    System.Security.Principal.Windows (5.0)
    System.Text.Encoding (4.3) - restriction: || (&& (== net8.0) (< net6.0)) (&& (== net8.0) (< netstandard1.3)) (&& (== net8.0) (< netstandard1.5)) (&& (== net8.0) (< netstandard2.1)) (== netstandard2.1)
      Microsoft.NETCore.Platforms (>= 1.1)
      Microsoft.NETCore.Targets (>= 1.1)
      System.Runtime (>= 4.3)
    System.Text.Encoding.CodePages (8.0) - restriction: || (&& (== net8.0) (< net6.0)) (&& (== net8.0) (< netstandard2.1)) (== netstandard2.1)
      System.Memory (>= 4.5.5) - restriction: || (&& (== net8.0) (>= net462)) (&& (== net8.0) (< net6.0)) (== netstandard2.1)
      System.Runtime.CompilerServices.Unsafe (>= 6.0) - restriction: || (&& (== net8.0) (>= net462)) (&& (== net8.0) (< net6.0)) (&& (== net8.0) (< net7.0)) (== netstandard2.1)
    System.Text.Encodings.Web (8.0)
      System.Buffers (>= 4.5.1) - restriction: || (&& (== net8.0) (>= net462)) (&& (== net8.0) (< net6.0)) (== netstandard2.1)
      System.Memory (>= 4.5.5) - restriction: || (&& (== net8.0) (>= net462)) (&& (== net8.0) (< net6.0)) (== netstandard2.1)
      System.Runtime.CompilerServices.Unsafe (>= 6.0) - restriction: || (&& (== net8.0) (>= net462)) (&& (== net8.0) (< net6.0)) (&& (== net8.0) (< net7.0)) (== netstandard2.1)
    System.Text.Json (8.0.2)
      Microsoft.Bcl.AsyncInterfaces (>= 8.0) - restriction: || (&& (== net8.0) (>= net462)) (&& (== net8.0) (< net6.0)) (== netstandard2.1)
      System.Buffers (>= 4.5.1) - restriction: || (&& (== net8.0) (>= net462)) (&& (== net8.0) (< net6.0)) (== netstandard2.1)
      System.Memory (>= 4.5.5) - restriction: || (&& (== net8.0) (>= net462)) (&& (== net8.0) (< net6.0)) (== netstandard2.1)
      System.Runtime.CompilerServices.Unsafe (>= 6.0) - restriction: || (&& (== net8.0) (>= net462)) (&& (== net8.0) (< net6.0)) (&& (== net8.0) (< net7.0)) (== netstandard2.1)
      System.Text.Encodings.Web (>= 8.0)
      System.Threading.Tasks.Extensions (>= 4.5.4) - restriction: || (&& (== net8.0) (>= net462)) (&& (== net8.0) (< net6.0)) (== netstandard2.1)
    System.Threading.Channels (8.0) - restriction: || (== net8.0) (&& (== netstandard2.1) (>= net8.0))
    System.Threading.Tasks (4.3) - restriction: || (&& (== net8.0) (< net6.0)) (&& (== net8.0) (< netstandard1.3)) (&& (== net8.0) (< netstandard1.5)) (&& (== net8.0) (< netstandard2.1)) (== netstandard2.1)
      Microsoft.NETCore.Platforms (>= 1.1)
      Microsoft.NETCore.Targets (>= 1.1)
      System.Runtime (>= 4.3)
    System.Threading.Tasks.Extensions (4.5.4)
      System.Runtime.CompilerServices.Unsafe (>= 4.5.3) - restriction: || (&& (== net8.0) (>= net461)) (&& (== net8.0) (< netcoreapp2.1)) (&& (== net8.0) (< netstandard1.0)) (&& (== net8.0) (< netstandard2.0)) (&& (== net8.0) (>= wp8)) (== netstandard2.1)
    xunit (2.7)
      xunit.analyzers (>= 1.11)
      xunit.assert (>= 2.7)
      xunit.core (2.7)
    xunit.abstractions (2.0.3)
    xunit.analyzers (1.11)
    xunit.assert (2.7)
    xunit.core (2.7)
      xunit.extensibility.core (2.7)
      xunit.extensibility.execution (2.7)
    xunit.extensibility.core (2.7)
      xunit.abstractions (>= 2.0.3)
    xunit.extensibility.execution (2.7)
      xunit.extensibility.core (2.7)
    xunit.runner.visualstudio (2.5.7)
