RESTRICTION: == net5.0
NUGET
  remote: https://api.nuget.org/v3/index.json
    Autofac (6.2)
      System.Diagnostics.DiagnosticSource (>= 4.7.1)
    Autofac.Extensions.DependencyInjection (7.1)
      Autofac (>= 6.0)
      Microsoft.Extensions.DependencyInjection.Abstractions (>= 2.1)
    Be.Vlaanderen.Basisregisters.Build.Pipeline (5.0.3)
      Fake.Core.Environment (>= 5.20.4)
      Fake.Core.Process (>= 5.20.4)
      Fake.Core.Target (>= 5.20.4)
      Fake.DotNet.AssemblyInfoFile (>= 5.20.4)
      Fake.DotNet.Cli (>= 5.20.4)
      Fake.DotNet.Paket (>= 5.20.4)
      Fake.IO.FileSystem (>= 5.20.4)
      Fake.JavaScript.Npm (>= 5.20.4)
      Newtonsoft.Json (>= 12.0.3)
    Be.Vlaanderen.Basisregisters.Converters.Timestamp (2.2.14)
      Newtonsoft.Json (>= 12.0.3)
    Be.Vlaanderen.Basisregisters.Converters.TrimString (2.2.11)
      Newtonsoft.Json (>= 12.0.3)
    Be.Vlaanderen.Basisregisters.EventHandling (3.1.1)
      Be.Vlaanderen.Basisregisters.Converters.TrimString (>= 2.2.11)
      Newtonsoft.Json (>= 13.0.1)
      NodaTime.Serialization.JsonNet (>= 3.0)
    Be.Vlaanderen.Basisregisters.Generators.Guid.Deterministic (2.2.12)
    Be.Vlaanderen.Basisregisters.Utilities.HashCodeCalculator (2.2.12)
    Be.Vlaanderen.Basisregisters.Utilities.HexByteConvertor (2.2.11)
    Be.Vlaanderen.Basisregisters.Utilities.ToStringBuilder (2.2.15)
    BlackFox.VsWhere (1.1)
      FSharp.Core (>= 4.2.3)
      Microsoft.Win32.Registry (>= 4.7)
    Castle.Core (4.4.1)
      NETStandard.Library (>= 1.6.1)
      System.Collections.Specialized (>= 4.3)
      System.ComponentModel (>= 4.3)
      System.ComponentModel.TypeConverter (>= 4.3)
      System.Diagnostics.TraceSource (>= 4.3)
      System.Dynamic.Runtime (>= 4.3)
      System.Reflection (>= 4.3)
      System.Reflection.Emit (>= 4.3)
      System.Reflection.TypeExtensions (>= 4.3)
      System.Xml.XmlDocument (>= 4.3)
    CompareNETObjects (4.73)
      Microsoft.CSharp (>= 4.7)
    DiffEngine (6.8.1)
      EmptyFiles (>= 2.7)
      Microsoft.Windows.Compatibility (>= 5.0.2)
    EmptyFiles (2.7)
    Fake.Core.CommandLineParsing (5.20.4)
      FParsec (>= 1.1.1)
      FSharp.Core (>= 4.7.2)
    Fake.Core.Context (5.20.4)
      FSharp.Core (>= 4.7.2)
    Fake.Core.Environment (5.20.4)
      FSharp.Core (>= 4.7.2)
    Fake.Core.FakeVar (5.20.4)
      Fake.Core.Context (>= 5.20.4)
      FSharp.Core (>= 4.7.2)
    Fake.Core.Process (5.20.4)
      Fake.Core.Environment (>= 5.20.4)
      Fake.Core.FakeVar (>= 5.20.4)
      Fake.Core.String (>= 5.20.4)
      Fake.Core.Trace (>= 5.20.4)
      Fake.IO.FileSystem (>= 5.20.4)
      FSharp.Core (>= 4.7.2)
      System.Collections.Immutable (>= 1.7.1)
    Fake.Core.SemVer (5.20.4)
      FSharp.Core (>= 4.7.2)
    Fake.Core.String (5.20.4)
      FSharp.Core (>= 4.7.2)
    Fake.Core.Target (5.20.4)
      Fake.Core.CommandLineParsing (>= 5.20.4)
      Fake.Core.Context (>= 5.20.4)
      Fake.Core.Environment (>= 5.20.4)
      Fake.Core.FakeVar (>= 5.20.4)
      Fake.Core.Process (>= 5.20.4)
      Fake.Core.String (>= 5.20.4)
      Fake.Core.Trace (>= 5.20.4)
      FSharp.Control.Reactive (>= 4.4.2)
      FSharp.Core (>= 4.7.2)
    Fake.Core.Tasks (5.20.4)
      Fake.Core.Trace (>= 5.20.4)
      FSharp.Core (>= 4.7.2)
    Fake.Core.Trace (5.20.4)
      Fake.Core.Environment (>= 5.20.4)
      Fake.Core.FakeVar (>= 5.20.4)
      FSharp.Core (>= 4.7.2)
    Fake.Core.Xml (5.20.4)
      Fake.Core.String (>= 5.20.4)
      FSharp.Core (>= 4.7.2)
    Fake.DotNet.AssemblyInfoFile (5.20.4)
      Fake.Core.Environment (>= 5.20.4)
      Fake.Core.String (>= 5.20.4)
      Fake.Core.Trace (>= 5.20.4)
      Fake.IO.FileSystem (>= 5.20.4)
      FSharp.Core (>= 4.7.2)
    Fake.DotNet.Cli (5.20.4)
      Fake.Core.Environment (>= 5.20.4)
      Fake.Core.Process (>= 5.20.4)
      Fake.Core.String (>= 5.20.4)
      Fake.Core.Trace (>= 5.20.4)
      Fake.DotNet.MSBuild (>= 5.20.4)
      Fake.DotNet.NuGet (>= 5.20.4)
      Fake.IO.FileSystem (>= 5.20.4)
      FSharp.Core (>= 4.7.2)
      Mono.Posix.NETStandard (>= 1.0)
      Newtonsoft.Json (>= 12.0.3)
    Fake.DotNet.MSBuild (5.20.4)
      BlackFox.VsWhere (>= 1.1)
      Fake.Core.Environment (>= 5.20.4)
      Fake.Core.Process (>= 5.20.4)
      Fake.Core.String (>= 5.20.4)
      Fake.Core.Trace (>= 5.20.4)
      Fake.IO.FileSystem (>= 5.20.4)
      FSharp.Core (>= 4.7.2)
      MSBuild.StructuredLogger (>= 2.1.176)
    Fake.DotNet.NuGet (5.20.4)
      Fake.Core.Environment (>= 5.20.4)
      Fake.Core.Process (>= 5.20.4)
      Fake.Core.SemVer (>= 5.20.4)
      Fake.Core.String (>= 5.20.4)
      Fake.Core.Tasks (>= 5.20.4)
      Fake.Core.Trace (>= 5.20.4)
      Fake.Core.Xml (>= 5.20.4)
      Fake.IO.FileSystem (>= 5.20.4)
      Fake.Net.Http (>= 5.20.4)
      FSharp.Core (>= 4.7.2)
      Newtonsoft.Json (>= 12.0.3)
      NuGet.Protocol (>= 5.6)
    Fake.DotNet.Paket (5.20.4)
      Fake.Core.Process (>= 5.20.4)
      Fake.Core.String (>= 5.20.4)
      Fake.Core.Trace (>= 5.20.4)
      Fake.DotNet.Cli (>= 5.20.4)
      Fake.IO.FileSystem (>= 5.20.4)
      FSharp.Core (>= 4.7.2)
    Fake.IO.FileSystem (5.20.4)
      Fake.Core.String (>= 5.20.4)
      FSharp.Core (>= 4.7.2)
    Fake.JavaScript.Npm (5.20.4)
      Fake.Core.Environment (>= 5.20.4)
      Fake.Core.Process (>= 5.20.4)
      Fake.IO.FileSystem (>= 5.20.4)
      Fake.Testing.Common (>= 5.20.4)
      FSharp.Core (>= 4.7.2)
    Fake.Net.Http (5.20.4)
      Fake.Core.Trace (>= 5.20.4)
      FSharp.Core (>= 4.7.2)
    Fake.Testing.Common (5.20.4)
      Fake.Core.Trace (>= 5.20.4)
      FSharp.Core (>= 4.7.2)
    FParsec (1.1.1)
      FSharp.Core (>= 4.3.4)
    FSharp.Control.Reactive (5.0.2)
      FSharp.Core (>= 4.7.2)
      System.Reactive (>= 5.0)
    FSharp.Core (5.0.1)
    Humanizer.Core (2.10.1)
    Microsoft.Build (16.10)
      Microsoft.Build.Framework (>= 16.10)
      Microsoft.NET.StringTools (>= 1.0)
      Microsoft.Win32.Registry (>= 4.3)
      System.Collections.Immutable (>= 5.0)
      System.Configuration.ConfigurationManager (>= 4.7)
      System.Reflection.Metadata (>= 1.6)
      System.Security.Principal.Windows (>= 4.7)
      System.Text.Encoding.CodePages (>= 4.0.1)
      System.Text.Json (>= 4.7)
      System.Threading.Tasks.Dataflow (>= 4.9)
    Microsoft.Build.Framework (16.10)
      System.Security.Permissions (>= 4.7)
    Microsoft.Build.Tasks.Core (16.10)
      Microsoft.Build.Framework (>= 16.10)
      Microsoft.Build.Utilities.Core (>= 16.10)
      Microsoft.NET.StringTools (>= 1.0)
      Microsoft.Win32.Registry (>= 4.3)
      System.CodeDom (>= 4.4)
      System.Collections.Immutable (>= 5.0)
      System.Reflection.Metadata (>= 1.6)
      System.Resources.Extensions (>= 4.6)
      System.Security.Cryptography.Pkcs (>= 4.7)
      System.Security.Cryptography.Xml (>= 4.7)
      System.Security.Permissions (>= 4.7)
      System.Threading.Tasks.Dataflow (>= 4.9)
    Microsoft.Build.Utilities.Core (16.10)
      Microsoft.Build.Framework (>= 16.10)
      Microsoft.NET.StringTools (>= 1.0)
      Microsoft.Win32.Registry (>= 4.3)
      System.Collections.Immutable (>= 5.0)
      System.Configuration.ConfigurationManager (>= 4.7)
      System.Security.Permissions (>= 4.7)
      System.Text.Encoding.CodePages (>= 4.0.1)
    Microsoft.CodeCoverage (16.10)
    Microsoft.CSharp (4.7)
    Microsoft.Data.SqlClient (2.1.3)
      Microsoft.Data.SqlClient.SNI.runtime (>= 2.1.1)
      Microsoft.Identity.Client (>= 4.21.1)
      Microsoft.IdentityModel.JsonWebTokens (>= 6.8)
      Microsoft.IdentityModel.Protocols.OpenIdConnect (>= 6.8)
      Microsoft.Win32.Registry (>= 4.7)
      System.Configuration.ConfigurationManager (>= 4.7)
      System.Diagnostics.DiagnosticSource (>= 4.7)
      System.Runtime.Caching (>= 4.7)
      System.Security.Principal.Windows (>= 4.7)
      System.Text.Encoding.CodePages (>= 4.7)
    Microsoft.Data.SqlClient.SNI.runtime (2.1.1)
    Microsoft.DotNet.InternalAbstractions (1.0)
      System.AppContext (>= 4.1)
      System.Collections (>= 4.0.11)
      System.IO (>= 4.1)
      System.IO.FileSystem (>= 4.0.1)
      System.Reflection.TypeExtensions (>= 4.1)
      System.Runtime.Extensions (>= 4.1)
      System.Runtime.InteropServices (>= 4.1)
      System.Runtime.InteropServices.RuntimeInformation (>= 4.0)
    Microsoft.EntityFrameworkCore (5.0.6)
      Microsoft.EntityFrameworkCore.Abstractions (>= 5.0.6)
      Microsoft.EntityFrameworkCore.Analyzers (>= 5.0.6)
      Microsoft.Extensions.Caching.Memory (>= 5.0)
      Microsoft.Extensions.DependencyInjection (>= 5.0.1)
      Microsoft.Extensions.Logging (>= 5.0)
      System.Collections.Immutable (>= 5.0)
      System.ComponentModel.Annotations (>= 5.0)
      System.Diagnostics.DiagnosticSource (>= 5.0.1)
    Microsoft.EntityFrameworkCore.Abstractions (5.0.6)
    Microsoft.EntityFrameworkCore.Analyzers (5.0.6)
    Microsoft.EntityFrameworkCore.Design (5.0.6)
      Humanizer.Core (>= 2.8.26)
      Microsoft.CSharp (>= 4.7)
      Microsoft.EntityFrameworkCore.Relational (>= 5.0.6)
    Microsoft.EntityFrameworkCore.InMemory (5.0.6)
      Microsoft.EntityFrameworkCore (>= 5.0.6)
    Microsoft.EntityFrameworkCore.Relational (5.0.6)
      Microsoft.EntityFrameworkCore (>= 5.0.6)
      Microsoft.Extensions.Configuration.Abstractions (>= 5.0)
    Microsoft.EntityFrameworkCore.SqlServer (5.0.6)
      Microsoft.Data.SqlClient (>= 2.0.1)
      Microsoft.EntityFrameworkCore.Relational (>= 5.0.6)
    Microsoft.Extensions.Caching.Abstractions (5.0)
      Microsoft.Extensions.Primitives (>= 5.0)
    Microsoft.Extensions.Caching.Memory (5.0)
      Microsoft.Extensions.Caching.Abstractions (>= 5.0)
      Microsoft.Extensions.DependencyInjection.Abstractions (>= 5.0)
      Microsoft.Extensions.Logging.Abstractions (>= 5.0)
      Microsoft.Extensions.Options (>= 5.0)
      Microsoft.Extensions.Primitives (>= 5.0)
    Microsoft.Extensions.Configuration (5.0)
      Microsoft.Extensions.Configuration.Abstractions (>= 5.0)
      Microsoft.Extensions.Primitives (>= 5.0)
    Microsoft.Extensions.Configuration.Abstractions (5.0)
      Microsoft.Extensions.Primitives (>= 5.0)
    Microsoft.Extensions.Configuration.Binder (5.0)
      Microsoft.Extensions.Configuration.Abstractions (>= 5.0)
    Microsoft.Extensions.DependencyInjection (5.0.1)
      Microsoft.Extensions.DependencyInjection.Abstractions (>= 5.0)
    Microsoft.Extensions.DependencyInjection.Abstractions (5.0)
    Microsoft.Extensions.Logging (5.0)
      Microsoft.Extensions.DependencyInjection (>= 5.0)
      Microsoft.Extensions.DependencyInjection.Abstractions (>= 5.0)
      Microsoft.Extensions.Logging.Abstractions (>= 5.0)
      Microsoft.Extensions.Options (>= 5.0)
    Microsoft.Extensions.Logging.Abstractions (5.0)
    Microsoft.Extensions.Options (5.0)
      Microsoft.Extensions.DependencyInjection.Abstractions (>= 5.0)
      Microsoft.Extensions.Primitives (>= 5.0)
    Microsoft.Extensions.Options.ConfigurationExtensions (5.0)
      Microsoft.Extensions.Configuration.Abstractions (>= 5.0)
      Microsoft.Extensions.Configuration.Binder (>= 5.0)
      Microsoft.Extensions.DependencyInjection.Abstractions (>= 5.0)
      Microsoft.Extensions.Options (>= 5.0)
      Microsoft.Extensions.Primitives (>= 5.0)
    Microsoft.Extensions.Primitives (5.0.1)
    Microsoft.Identity.Client (4.31)
    Microsoft.IdentityModel.JsonWebTokens (6.11.1)
      Microsoft.IdentityModel.Tokens (>= 6.11.1)
    Microsoft.IdentityModel.Logging (6.11.1)
    Microsoft.IdentityModel.Protocols (6.11.1)
      Microsoft.IdentityModel.Logging (>= 6.11.1)
      Microsoft.IdentityModel.Tokens (>= 6.11.1)
    Microsoft.IdentityModel.Protocols.OpenIdConnect (6.11.1)
      Microsoft.IdentityModel.Protocols (>= 6.11.1)
      System.IdentityModel.Tokens.Jwt (>= 6.11.1)
    Microsoft.IdentityModel.Tokens (6.11.1)
      Microsoft.CSharp (>= 4.5)
      Microsoft.IdentityModel.Logging (>= 6.11.1)
      System.Security.Cryptography.Cng (>= 4.5)
    Microsoft.NET.StringTools (1.0)
      System.Memory (>= 4.5.4)
      System.Runtime.CompilerServices.Unsafe (>= 5.0)
    Microsoft.NET.Test.Sdk (16.10)
      Microsoft.CodeCoverage (>= 16.10)
      Microsoft.TestPlatform.TestHost (>= 16.10)
    Microsoft.NETCore.Platforms (5.0.2)
    Microsoft.NETCore.Targets (5.0)
    Microsoft.TestPlatform.ObjectModel (16.10)
      NuGet.Frameworks (>= 5.0)
      System.Reflection.Metadata (>= 1.6)
    Microsoft.TestPlatform.TestHost (16.10)
      Microsoft.TestPlatform.ObjectModel (>= 16.10)
      Newtonsoft.Json (>= 9.0.1)
    Microsoft.Win32.Primitives (4.3)
      Microsoft.NETCore.Platforms (>= 1.1)
      Microsoft.NETCore.Targets (>= 1.1)
      System.Runtime (>= 4.3)
    Microsoft.Win32.Registry (5.0)
      System.Security.AccessControl (>= 5.0)
      System.Security.Principal.Windows (>= 5.0)
    Microsoft.Win32.Registry.AccessControl (5.0)
      Microsoft.Win32.Registry (>= 5.0)
      System.Security.AccessControl (>= 5.0)
    Microsoft.Win32.SystemEvents (5.0)
      Microsoft.NETCore.Platforms (>= 5.0)
    Microsoft.Windows.Compatibility (5.0.2)
      Microsoft.Win32.Registry (>= 5.0)
      Microsoft.Win32.Registry.AccessControl (>= 5.0)
      Microsoft.Win32.SystemEvents (>= 5.0)
      System.CodeDom (>= 5.0)
      System.ComponentModel.Composition (>= 5.0)
      System.ComponentModel.Composition.Registration (>= 5.0)
      System.Configuration.ConfigurationManager (>= 5.0)
      System.Data.DataSetExtensions (>= 4.5)
      System.Data.Odbc (>= 5.0)
      System.Data.OleDb (>= 5.0)
      System.Data.SqlClient (>= 4.8.1)
      System.Diagnostics.EventLog (>= 5.0.1)
      System.Diagnostics.PerformanceCounter (>= 5.0.1)
      System.DirectoryServices (>= 5.0)
      System.DirectoryServices.AccountManagement (>= 5.0)
      System.DirectoryServices.Protocols (>= 5.0)
      System.Drawing.Common (>= 5.0)
      System.IO.FileSystem.AccessControl (>= 5.0)
      System.IO.Packaging (>= 5.0)
      System.IO.Pipes.AccessControl (>= 5.0)
      System.IO.Ports (>= 5.0)
      System.Management (>= 5.0)
      System.Reflection.Context (>= 5.0)
      System.Reflection.Emit (>= 4.7)
      System.Reflection.Emit.ILGeneration (>= 4.7)
      System.Reflection.Emit.Lightweight (>= 4.7)
      System.Runtime.Caching (>= 5.0)
      System.Security.AccessControl (>= 5.0)
      System.Security.Cryptography.Cng (>= 5.0)
      System.Security.Cryptography.Pkcs (>= 5.0.1)
      System.Security.Cryptography.ProtectedData (>= 5.0)
      System.Security.Cryptography.Xml (>= 5.0)
      System.Security.Permissions (>= 5.0)
      System.Security.Principal.Windows (>= 5.0)
      System.ServiceModel.Duplex (>= 4.8)
      System.ServiceModel.Http (>= 4.8)
      System.ServiceModel.NetTcp (>= 4.8)
      System.ServiceModel.Primitives (>= 4.8)
      System.ServiceModel.Security (>= 4.8)
      System.ServiceModel.Syndication (>= 5.0)
      System.ServiceProcess.ServiceController (>= 5.0)
      System.Speech (>= 5.0)
      System.Text.Encoding.CodePages (>= 5.0)
      System.Threading.AccessControl (>= 5.0)
    Mono.Posix.NETStandard (1.0)
    Moq (4.16.1)
      Castle.Core (>= 4.4)
      System.Threading.Tasks.Extensions (>= 4.5.4)
    MSBuild.StructuredLogger (2.1.500)
      Microsoft.Build (>= 16.4)
      Microsoft.Build.Framework (>= 16.4)
      Microsoft.Build.Tasks.Core (>= 16.4)
      Microsoft.Build.Utilities.Core (>= 16.4)
    NETStandard.Library (2.0.3)
      Microsoft.NETCore.Platforms (>= 1.1)
    Newtonsoft.Json (13.0.1)
    NodaTime (3.0.5)
      System.Runtime.CompilerServices.Unsafe (>= 4.7.1)
    NodaTime.Serialization.JsonNet (3.0)
      Newtonsoft.Json (>= 12.0.1)
      NodaTime (>= 3.0 < 4.0)
    NuGet.Common (5.9.1)
      NuGet.Frameworks (>= 5.9.1)
    NuGet.Configuration (5.9.1)
      NuGet.Common (>= 5.9.1)
      System.Security.Cryptography.ProtectedData (>= 4.4)
    NuGet.Frameworks (5.9.1)
    NuGet.Packaging (5.9.1)
      Newtonsoft.Json (>= 9.0.1)
      NuGet.Configuration (>= 5.9.1)
      NuGet.Versioning (>= 5.9.1)
      System.Security.Cryptography.Cng (>= 5.0)
      System.Security.Cryptography.Pkcs (>= 5.0)
    NuGet.Protocol (5.9.1)
      NuGet.Packaging (>= 5.9.1)
    NuGet.Versioning (5.9.1)
    NUnit (3.13.2)
      NETStandard.Library (>= 2.0)
    NUnit3TestAdapter (3.17)
      Microsoft.DotNet.InternalAbstractions (>= 1.0)
      System.ComponentModel.EventBasedAsync (>= 4.3)
      System.ComponentModel.TypeConverter (>= 4.3)
      System.Diagnostics.Process (>= 4.3)
      System.Reflection (>= 4.3)
      System.Runtime.InteropServices.RuntimeInformation (>= 4.3)
      System.Threading.Thread (>= 4.3)
      System.Xml.XmlDocument (>= 4.3)
      System.Xml.XPath.XmlDocument (>= 4.3)
    runtime.linux-arm.runtime.native.System.IO.Ports (5.0)
    runtime.linux-arm64.runtime.native.System.IO.Ports (5.0)
    runtime.linux-x64.runtime.native.System.IO.Ports (5.0)
    runtime.native.System (4.3.1)
      Microsoft.NETCore.Platforms (>= 1.1.1)
      Microsoft.NETCore.Targets (>= 1.1.3)
    runtime.native.System.Data.SqlClient.sni (4.7)
      runtime.win-arm64.runtime.native.System.Data.SqlClient.sni (>= 4.4)
      runtime.win-x64.runtime.native.System.Data.SqlClient.sni (>= 4.4)
      runtime.win-x86.runtime.native.System.Data.SqlClient.sni (>= 4.4)
    runtime.native.System.IO.Ports (5.0.1)
      runtime.linux-arm.runtime.native.System.IO.Ports (>= 5.0)
      runtime.linux-arm64.runtime.native.System.IO.Ports (>= 5.0)
      runtime.linux-x64.runtime.native.System.IO.Ports (>= 5.0)
      runtime.osx-x64.runtime.native.System.IO.Ports (>= 5.0)
    runtime.osx-x64.runtime.native.System.IO.Ports (5.0)
    runtime.win-arm64.runtime.native.System.Data.SqlClient.sni (4.4)
    runtime.win-x64.runtime.native.System.Data.SqlClient.sni (4.4)
    runtime.win-x86.runtime.native.System.Data.SqlClient.sni (4.4)
    Shouldly (4.0.3)
      DiffEngine (>= 6.4.9)
      EmptyFiles (>= 2.3.3)
      Microsoft.CSharp (>= 4.7)
      System.Memory (>= 4.5.4)
    SourceLink.Copy.PdbFiles (2.8.3) - copy_local: true
    SourceLink.Embed.AllSourceFiles (2.8.3) - copy_local: true
    SqlStreamStore (1.2)
      Microsoft.CSharp (>= 4.7)
    SqlStreamStore.MsSql (1.2)
      Microsoft.Data.SqlClient (>= 1.1)
      SqlStreamStore (>= 1.2)
    System.AppContext (4.3)
      System.Runtime (>= 4.3)
    System.CodeDom (5.0)
    System.Collections (4.3)
      Microsoft.NETCore.Platforms (>= 1.1)
      Microsoft.NETCore.Targets (>= 1.1)
      System.Runtime (>= 4.3)
    System.Collections.Immutable (5.0)
    System.Collections.NonGeneric (4.3)
      System.Diagnostics.Debug (>= 4.3)
      System.Globalization (>= 4.3)
      System.Resources.ResourceManager (>= 4.3)
      System.Runtime (>= 4.3)
      System.Runtime.Extensions (>= 4.3)
      System.Threading (>= 4.3)
    System.Collections.Specialized (4.3)
      System.Collections.NonGeneric (>= 4.3)
      System.Globalization (>= 4.3)
      System.Globalization.Extensions (>= 4.3)
      System.Resources.ResourceManager (>= 4.3)
      System.Runtime (>= 4.3)
      System.Runtime.Extensions (>= 4.3)
      System.Threading (>= 4.3)
    System.ComponentModel (4.3)
      System.Runtime (>= 4.3)
    System.ComponentModel.Annotations (5.0)
    System.ComponentModel.Composition (5.0)
    System.ComponentModel.Composition.Registration (5.0)
      System.ComponentModel.Composition (>= 5.0)
      System.Reflection.Context (>= 5.0)
    System.ComponentModel.EventBasedAsync (4.3)
      System.Resources.ResourceManager (>= 4.3)
      System.Runtime (>= 4.3)
      System.Threading (>= 4.3)
      System.Threading.Tasks (>= 4.3)
    System.ComponentModel.Primitives (4.3)
      System.ComponentModel (>= 4.3)
      System.Resources.ResourceManager (>= 4.3)
      System.Runtime (>= 4.3)
    System.ComponentModel.TypeConverter (4.3)
      System.Collections (>= 4.3)
      System.Collections.NonGeneric (>= 4.3)
      System.Collections.Specialized (>= 4.3)
      System.ComponentModel (>= 4.3)
      System.ComponentModel.Primitives (>= 4.3)
      System.Globalization (>= 4.3)
      System.Linq (>= 4.3)
      System.Reflection (>= 4.3)
      System.Reflection.Extensions (>= 4.3)
      System.Reflection.Primitives (>= 4.3)
      System.Reflection.TypeExtensions (>= 4.3)
      System.Resources.ResourceManager (>= 4.3)
      System.Runtime (>= 4.3)
      System.Runtime.Extensions (>= 4.3)
      System.Threading (>= 4.3)
    System.Configuration.ConfigurationManager (5.0)
      System.Security.Cryptography.ProtectedData (>= 5.0)
      System.Security.Permissions (>= 5.0)
    System.Data.DataSetExtensions (4.5)
    System.Data.Odbc (5.0)
      Microsoft.NETCore.Platforms (>= 5.0)
    System.Data.OleDb (5.0)
      Microsoft.Win32.Registry (>= 5.0)
      System.Configuration.ConfigurationManager (>= 5.0)
      System.Diagnostics.PerformanceCounter (>= 5.0)
      System.Security.Principal.Windows (>= 5.0)
    System.Data.SqlClient (4.8.2)
      Microsoft.Win32.Registry (>= 4.7)
      runtime.native.System.Data.SqlClient.sni (>= 4.7)
      System.Security.Principal.Windows (>= 4.7)
    System.Diagnostics.Debug (4.3)
      Microsoft.NETCore.Platforms (>= 1.1)
      Microsoft.NETCore.Targets (>= 1.1)
      System.Runtime (>= 4.3)
    System.Diagnostics.DiagnosticSource (5.0.1)
    System.Diagnostics.EventLog (5.0.1)
      Microsoft.NETCore.Platforms (>= 5.0.1)
      Microsoft.Win32.Registry (>= 5.0)
      System.Security.Principal.Windows (>= 5.0)
    System.Diagnostics.PerformanceCounter (5.0.1)
      Microsoft.NETCore.Platforms (>= 5.0.1)
      Microsoft.Win32.Registry (>= 5.0)
      System.Configuration.ConfigurationManager (>= 5.0)
      System.Security.Principal.Windows (>= 5.0)
    System.Diagnostics.Process (4.3)
      Microsoft.NETCore.Platforms (>= 1.1)
      Microsoft.Win32.Primitives (>= 4.3)
      Microsoft.Win32.Registry (>= 4.3)
      runtime.native.System (>= 4.3)
      System.Collections (>= 4.3)
      System.Diagnostics.Debug (>= 4.3)
      System.Globalization (>= 4.3)
      System.IO (>= 4.3)
      System.IO.FileSystem (>= 4.3)
      System.IO.FileSystem.Primitives (>= 4.3)
      System.Resources.ResourceManager (>= 4.3)
      System.Runtime (>= 4.3)
      System.Runtime.Extensions (>= 4.3)
      System.Runtime.Handles (>= 4.3)
      System.Runtime.InteropServices (>= 4.3)
      System.Text.Encoding (>= 4.3)
      System.Text.Encoding.Extensions (>= 4.3)
      System.Threading (>= 4.3)
      System.Threading.Tasks (>= 4.3)
      System.Threading.Thread (>= 4.3)
      System.Threading.ThreadPool (>= 4.3)
    System.Diagnostics.TraceSource (4.3)
      Microsoft.NETCore.Platforms (>= 1.1)
      runtime.native.System (>= 4.3)
      System.Collections (>= 4.3)
      System.Diagnostics.Debug (>= 4.3)
      System.Globalization (>= 4.3)
      System.Resources.ResourceManager (>= 4.3)
      System.Runtime (>= 4.3)
      System.Runtime.Extensions (>= 4.3)
      System.Threading (>= 4.3)
    System.DirectoryServices (5.0)
      Microsoft.NETCore.Platforms (>= 5.0)
      System.IO.FileSystem.AccessControl (>= 5.0)
      System.Security.AccessControl (>= 5.0)
      System.Security.Permissions (>= 5.0)
      System.Security.Principal.Windows (>= 5.0)
    System.DirectoryServices.AccountManagement (5.0)
      Microsoft.NETCore.Platforms (>= 5.0)
      System.Configuration.ConfigurationManager (>= 5.0)
      System.DirectoryServices (>= 5.0)
      System.DirectoryServices.Protocols (>= 5.0)
      System.IO.FileSystem.AccessControl (>= 5.0)
      System.Security.AccessControl (>= 5.0)
      System.Security.Principal.Windows (>= 5.0)
    System.DirectoryServices.Protocols (5.0)
      Microsoft.NETCore.Platforms (>= 5.0)
      System.Security.Principal.Windows (>= 5.0)
    System.Drawing.Common (5.0.2)
      Microsoft.Win32.SystemEvents (>= 5.0)
    System.Dynamic.Runtime (4.3)
      System.Collections (>= 4.3)
      System.Diagnostics.Debug (>= 4.3)
      System.Linq (>= 4.3)
      System.Linq.Expressions (>= 4.3)
      System.ObjectModel (>= 4.3)
      System.Reflection (>= 4.3)
      System.Reflection.Emit (>= 4.3)
      System.Reflection.Emit.ILGeneration (>= 4.3)
      System.Reflection.Primitives (>= 4.3)
      System.Reflection.TypeExtensions (>= 4.3)
      System.Resources.ResourceManager (>= 4.3)
      System.Runtime (>= 4.3)
      System.Runtime.Extensions (>= 4.3)
      System.Threading (>= 4.3)
    System.Formats.Asn1 (5.0)
    System.Globalization (4.3)
      Microsoft.NETCore.Platforms (>= 1.1)
      Microsoft.NETCore.Targets (>= 1.1)
      System.Runtime (>= 4.3)
    System.Globalization.Extensions (4.3)
      Microsoft.NETCore.Platforms (>= 1.1)
      System.Globalization (>= 4.3)
      System.Resources.ResourceManager (>= 4.3)
      System.Runtime (>= 4.3)
      System.Runtime.Extensions (>= 4.3)
      System.Runtime.InteropServices (>= 4.3)
    System.IdentityModel.Tokens.Jwt (6.11.1)
      Microsoft.IdentityModel.JsonWebTokens (>= 6.11.1)
      Microsoft.IdentityModel.Tokens (>= 6.11.1)
    System.IO (4.3)
      Microsoft.NETCore.Platforms (>= 1.1)
      Microsoft.NETCore.Targets (>= 1.1)
      System.Runtime (>= 4.3)
      System.Text.Encoding (>= 4.3)
      System.Threading.Tasks (>= 4.3)
    System.IO.FileSystem (4.3)
      Microsoft.NETCore.Platforms (>= 1.1)
      Microsoft.NETCore.Targets (>= 1.1)
      System.IO (>= 4.3)
      System.IO.FileSystem.Primitives (>= 4.3)
      System.Runtime (>= 4.3)
      System.Runtime.Handles (>= 4.3)
      System.Text.Encoding (>= 4.3)
      System.Threading.Tasks (>= 4.3)
    System.IO.FileSystem.AccessControl (5.0)
      System.Security.AccessControl (>= 5.0)
      System.Security.Principal.Windows (>= 5.0)
    System.IO.FileSystem.Primitives (4.3)
      System.Runtime (>= 4.3)
    System.IO.Packaging (5.0)
    System.IO.Pipes.AccessControl (5.0)
      System.Security.AccessControl (>= 5.0)
      System.Security.Principal.Windows (>= 5.0)
    System.IO.Ports (5.0.1)
      Microsoft.Win32.Registry (>= 5.0)
      runtime.native.System.IO.Ports (>= 5.0.1)
    System.Linq (4.3)
      System.Collections (>= 4.3)
      System.Diagnostics.Debug (>= 4.3)
      System.Resources.ResourceManager (>= 4.3)
      System.Runtime (>= 4.3)
      System.Runtime.Extensions (>= 4.3)
    System.Linq.Expressions (4.3)
      System.Collections (>= 4.3)
      System.Diagnostics.Debug (>= 4.3)
      System.Globalization (>= 4.3)
      System.IO (>= 4.3)
      System.Linq (>= 4.3)
      System.ObjectModel (>= 4.3)
      System.Reflection (>= 4.3)
      System.Reflection.Emit (>= 4.3)
      System.Reflection.Emit.ILGeneration (>= 4.3)
      System.Reflection.Emit.Lightweight (>= 4.3)
      System.Reflection.Extensions (>= 4.3)
      System.Reflection.Primitives (>= 4.3)
      System.Reflection.TypeExtensions (>= 4.3)
      System.Resources.ResourceManager (>= 4.3)
      System.Runtime (>= 4.3)
      System.Runtime.Extensions (>= 4.3)
      System.Threading (>= 4.3)
    System.Management (5.0)
      Microsoft.NETCore.Platforms (>= 5.0)
      Microsoft.Win32.Registry (>= 5.0)
      System.CodeDom (>= 5.0)
    System.Memory (4.5.4)
    System.Numerics.Vectors (4.5)
    System.ObjectModel (4.3)
      System.Collections (>= 4.3)
      System.Diagnostics.Debug (>= 4.3)
      System.Resources.ResourceManager (>= 4.3)
      System.Runtime (>= 4.3)
      System.Threading (>= 4.3)
    System.Private.ServiceModel (4.8.1)
      System.Numerics.Vectors (>= 4.5)
      System.Reflection.DispatchProxy (>= 4.7.1)
      System.Security.Cryptography.Xml (>= 4.7)
      System.Security.Principal.Windows (>= 4.7)
    System.Reactive (5.0)
    System.Reflection (4.3)
      Microsoft.NETCore.Platforms (>= 1.1)
      Microsoft.NETCore.Targets (>= 1.1)
      System.IO (>= 4.3)
      System.Reflection.Primitives (>= 4.3)
      System.Runtime (>= 4.3)
    System.Reflection.Context (5.0)
    System.Reflection.DispatchProxy (4.7.1)
    System.Reflection.Emit (4.7)
    System.Reflection.Emit.ILGeneration (4.7)
    System.Reflection.Emit.Lightweight (4.7)
    System.Reflection.Extensions (4.3)
      Microsoft.NETCore.Platforms (>= 1.1)
      Microsoft.NETCore.Targets (>= 1.1)
      System.Reflection (>= 4.3)
      System.Runtime (>= 4.3)
    System.Reflection.Metadata (5.0)
    System.Reflection.Primitives (4.3)
      Microsoft.NETCore.Platforms (>= 1.1)
      Microsoft.NETCore.Targets (>= 1.1)
      System.Runtime (>= 4.3)
    System.Reflection.TypeExtensions (4.7)
    System.Resources.Extensions (5.0)
    System.Resources.ResourceManager (4.3)
      Microsoft.NETCore.Platforms (>= 1.1)
      Microsoft.NETCore.Targets (>= 1.1)
      System.Globalization (>= 4.3)
      System.Reflection (>= 4.3)
      System.Runtime (>= 4.3)
    System.Runtime (4.3.1)
      Microsoft.NETCore.Platforms (>= 1.1.1)
      Microsoft.NETCore.Targets (>= 1.1.3)
    System.Runtime.Caching (5.0)
      System.Configuration.ConfigurationManager (>= 5.0)
    System.Runtime.CompilerServices.Unsafe (5.0)
    System.Runtime.Extensions (4.3.1)
      Microsoft.NETCore.Platforms (>= 1.1.1)
      Microsoft.NETCore.Targets (>= 1.1.3)
      System.Runtime (>= 4.3.1)
    System.Runtime.Handles (4.3)
      Microsoft.NETCore.Platforms (>= 1.1)
      Microsoft.NETCore.Targets (>= 1.1)
      System.Runtime (>= 4.3)
    System.Runtime.InteropServices (4.3)
      Microsoft.NETCore.Platforms (>= 1.1)
      Microsoft.NETCore.Targets (>= 1.1)
      System.Reflection (>= 4.3)
      System.Reflection.Primitives (>= 4.3)
      System.Runtime (>= 4.3)
      System.Runtime.Handles (>= 4.3)
    System.Runtime.InteropServices.RuntimeInformation (4.3)
      runtime.native.System (>= 4.3)
      System.Reflection (>= 4.3)
      System.Reflection.Extensions (>= 4.3)
      System.Resources.ResourceManager (>= 4.3)
      System.Runtime (>= 4.3)
      System.Runtime.InteropServices (>= 4.3)
      System.Threading (>= 4.3)
    System.Security.AccessControl (5.0)
      Microsoft.NETCore.Platforms (>= 5.0)
      System.Security.Principal.Windows (>= 5.0)
    System.Security.Cryptography.Cng (5.0)
      System.Formats.Asn1 (>= 5.0)
    System.Security.Cryptography.Pkcs (5.0.1)
      System.Formats.Asn1 (>= 5.0)
      System.Security.Cryptography.Cng (>= 5.0)
    System.Security.Cryptography.ProtectedData (5.0)
    System.Security.Cryptography.Xml (5.0)
      System.Security.Cryptography.Pkcs (>= 5.0)
      System.Security.Permissions (>= 5.0)
    System.Security.Permissions (5.0)
      System.Security.AccessControl (>= 5.0)
      System.Windows.Extensions (>= 5.0)
    System.Security.Principal.Windows (5.0)
    System.ServiceModel.Duplex (4.8.1)
      System.Private.ServiceModel (>= 4.8.1)
      System.ServiceModel.Primitives (>= 4.8.1)
    System.ServiceModel.Http (4.8.1)
      System.Private.ServiceModel (>= 4.8.1)
      System.ServiceModel.Primitives (>= 4.8.1)
    System.ServiceModel.NetTcp (4.8.1)
      System.Private.ServiceModel (>= 4.8.1)
      System.ServiceModel.Primitives (>= 4.8.1)
    System.ServiceModel.Primitives (4.8.1)
      System.Private.ServiceModel (>= 4.8.1)
    System.ServiceModel.Security (4.8.1)
      System.Private.ServiceModel (>= 4.8.1)
      System.ServiceModel.Primitives (>= 4.8.1)
    System.ServiceModel.Syndication (5.0)
    System.ServiceProcess.ServiceController (5.0)
      System.Diagnostics.EventLog (>= 5.0)
    System.Speech (5.0)
      Microsoft.NETCore.Platforms (>= 5.0.1)
      Microsoft.Win32.Registry (>= 5.0)
    System.Text.Encoding (4.3)
      Microsoft.NETCore.Platforms (>= 1.1)
      Microsoft.NETCore.Targets (>= 1.1)
      System.Runtime (>= 4.3)
    System.Text.Encoding.CodePages (5.0)
      Microsoft.NETCore.Platforms (>= 5.0)
    System.Text.Encoding.Extensions (4.3)
      Microsoft.NETCore.Platforms (>= 1.1)
      Microsoft.NETCore.Targets (>= 1.1)
      System.Runtime (>= 4.3)
      System.Text.Encoding (>= 4.3)
    System.Text.Json (5.0.2)
    System.Text.RegularExpressions (4.3.1)
      System.Runtime (>= 4.3.1)
    System.Threading (4.3)
      System.Runtime (>= 4.3)
      System.Threading.Tasks (>= 4.3)
    System.Threading.AccessControl (5.0)
      System.Security.AccessControl (>= 5.0)
      System.Security.Principal.Windows (>= 5.0)
    System.Threading.Tasks (4.3)
      Microsoft.NETCore.Platforms (>= 1.1)
      Microsoft.NETCore.Targets (>= 1.1)
      System.Runtime (>= 4.3)
    System.Threading.Tasks.Dataflow (5.0)
    System.Threading.Tasks.Extensions (4.5.4)
    System.Threading.Thread (4.3)
      System.Runtime (>= 4.3)
    System.Threading.ThreadPool (4.3)
      System.Runtime (>= 4.3)
      System.Runtime.Handles (>= 4.3)
    System.Windows.Extensions (5.0)
      System.Drawing.Common (>= 5.0)
    System.Xml.ReaderWriter (4.3.1)
      System.Collections (>= 4.3)
      System.Diagnostics.Debug (>= 4.3)
      System.Globalization (>= 4.3)
      System.IO (>= 4.3)
      System.IO.FileSystem (>= 4.3)
      System.IO.FileSystem.Primitives (>= 4.3)
      System.Resources.ResourceManager (>= 4.3)
      System.Runtime (>= 4.3)
      System.Runtime.Extensions (>= 4.3)
      System.Runtime.InteropServices (>= 4.3)
      System.Text.Encoding (>= 4.3)
      System.Text.Encoding.Extensions (>= 4.3)
      System.Text.RegularExpressions (>= 4.3)
      System.Threading.Tasks (>= 4.3)
      System.Threading.Tasks.Extensions (>= 4.3)
    System.Xml.XmlDocument (4.3)
      System.Collections (>= 4.3)
      System.Diagnostics.Debug (>= 4.3)
      System.Globalization (>= 4.3)
      System.IO (>= 4.3)
      System.Resources.ResourceManager (>= 4.3)
      System.Runtime (>= 4.3)
      System.Runtime.Extensions (>= 4.3)
      System.Text.Encoding (>= 4.3)
      System.Threading (>= 4.3)
      System.Xml.ReaderWriter (>= 4.3)
    System.Xml.XPath (4.3)
      System.Collections (>= 4.3)
      System.Diagnostics.Debug (>= 4.3)
      System.Globalization (>= 4.3)
      System.IO (>= 4.3)
      System.Resources.ResourceManager (>= 4.3)
      System.Runtime (>= 4.3)
      System.Runtime.Extensions (>= 4.3)
      System.Threading (>= 4.3)
      System.Xml.ReaderWriter (>= 4.3)
    System.Xml.XPath.XmlDocument (4.3)
      System.Collections (>= 4.3)
      System.Globalization (>= 4.3)
      System.IO (>= 4.3)
      System.Resources.ResourceManager (>= 4.3)
      System.Runtime (>= 4.3)
      System.Runtime.Extensions (>= 4.3)
      System.Threading (>= 4.3)
      System.Xml.ReaderWriter (>= 4.3)
      System.Xml.XmlDocument (>= 4.3)
      System.Xml.XPath (>= 4.3)
    xunit (2.4.1)
      xunit.analyzers (>= 0.10)
      xunit.assert (2.4.1)
      xunit.core (2.4.1)
    xunit.abstractions (2.0.3)
    xunit.analyzers (0.10)
    xunit.assert (2.4.1)
      NETStandard.Library (>= 1.6.1)
    xunit.core (2.4.1)
      xunit.extensibility.core (2.4.1)
      xunit.extensibility.execution (2.4.1)
    xunit.extensibility.core (2.4.1)
      NETStandard.Library (>= 1.6.1)
      xunit.abstractions (>= 2.0.3)
    xunit.extensibility.execution (2.4.1)
      NETStandard.Library (>= 1.6.1)
      xunit.extensibility.core (2.4.1)
    xunit.runner.visualstudio (2.4.3)
