STRATEGY: MIN
RESTRICTION: == net6.0
NUGET
  remote: https://api.nuget.org/v3/index.json
    Autofac (6.3)
      System.Diagnostics.DiagnosticSource (>= 4.7.1)
    Autofac.Extensions.DependencyInjection (7.2)
      Autofac (>= 6.0)
      Microsoft.Extensions.DependencyInjection.Abstractions (>= 6.0)
    Azure.Core (1.23)
      Microsoft.Bcl.AsyncInterfaces (>= 1.1.1)
      System.Diagnostics.DiagnosticSource (>= 4.6)
      System.Memory.Data (>= 1.0.2)
      System.Numerics.Vectors (>= 4.5)
      System.Text.Encodings.Web (>= 4.7.2)
      System.Text.Json (>= 4.7.2)
      System.Threading.Tasks.Extensions (>= 4.5.4)
    Azure.Identity (1.5)
      Azure.Core (>= 1.20)
      Microsoft.Identity.Client (>= 4.30.1)
      Microsoft.Identity.Client.Extensions.Msal (>= 2.18.4)
      System.Memory (>= 4.5.4)
      System.Security.Cryptography.ProtectedData (>= 4.5)
      System.Text.Json (>= 4.6)
      System.Threading.Tasks.Extensions (>= 4.5.4)
    Be.Vlaanderen.Basisregisters.Build.Pipeline (6.0.3)
      Fake.Core.Environment (>= 5.22)
      Fake.Core.Process (>= 5.22)
      Fake.Core.Target (>= 5.22)
      Fake.DotNet.AssemblyInfoFile (>= 5.22)
      Fake.DotNet.Cli (>= 5.22)
      Fake.DotNet.Paket (>= 5.22)
      Fake.IO.FileSystem (>= 5.22)
      Fake.JavaScript.Npm (>= 5.22)
      Newtonsoft.Json (>= 13.0.1)
    Be.Vlaanderen.Basisregisters.Converters.Timestamp (3.0)
      Newtonsoft.Json (>= 13.0.1)
    Be.Vlaanderen.Basisregisters.Converters.TrimString (3.0)
      Newtonsoft.Json (>= 13.0.1)
    Be.Vlaanderen.Basisregisters.DependencyInjection (1.0.3)
      Microsoft.Extensions.DependencyInjection.Abstractions (>= 6.0)
    Be.Vlaanderen.Basisregisters.EventHandling (4.2.3)
      Be.Vlaanderen.Basisregisters.Converters.TrimString (>= 3.0)
      Newtonsoft.Json (>= 13.0.1)
      NodaTime.Serialization.JsonNet (>= 3.0)
    Be.Vlaanderen.Basisregisters.Generators.Guid.Deterministic (3.0.1)
    Be.Vlaanderen.Basisregisters.Utilities.HashCodeCalculator (3.0)
    Be.Vlaanderen.Basisregisters.Utilities.HexByteConvertor (3.0)
    Be.Vlaanderen.Basisregisters.Utilities.ToStringBuilder (3.0)
    BlackFox.VsWhere (1.1)
      FSharp.Core (>= 4.2.3)
      Microsoft.Win32.Registry (>= 4.7)
    Castle.Core (4.4.1)
      NETStandard.Library (>= 1.6.1)
      System.Collections.Specialized (>= 4.3)
      System.ComponentModel (>= 4.3)
      System.ComponentModel.TypeConverter (>= 4.3)
      System.Diagnostics.TraceSource (>= 4.3)
      System.Dynamic.Runtime (>= 4.3)
      System.Reflection (>= 4.3)
      System.Reflection.Emit (>= 4.3)
      System.Reflection.TypeExtensions (>= 4.3)
      System.Xml.XmlDocument (>= 4.3)
    CompareNETObjects (4.76)
      Microsoft.CSharp (>= 4.7)
    Dapper (2.0.123)
    DiffEngine (9.0.5)
      EmptyFiles (>= 2.8)
      System.Management (>= 5.0)
    EmptyFiles (2.8)
    Fake.Core.CommandLineParsing (5.22)
      FParsec (>= 1.1.1)
      FSharp.Core (>= 6.0)
    Fake.Core.Context (5.22)
      FSharp.Core (>= 6.0)
    Fake.Core.Environment (5.22)
      FSharp.Core (>= 6.0)
    Fake.Core.FakeVar (5.22)
      Fake.Core.Context (>= 5.22)
      FSharp.Core (>= 6.0)
    Fake.Core.Process (5.22)
      Fake.Core.Environment (>= 5.22)
      Fake.Core.FakeVar (>= 5.22)
      Fake.Core.String (>= 5.22)
      Fake.Core.Trace (>= 5.22)
      Fake.IO.FileSystem (>= 5.22)
      FSharp.Core (>= 6.0)
      System.Collections.Immutable (>= 5.0)
    Fake.Core.SemVer (5.22)
      FSharp.Core (>= 6.0)
    Fake.Core.String (5.22)
      FSharp.Core (>= 6.0)
    Fake.Core.Target (5.22)
      Fake.Core.CommandLineParsing (>= 5.22)
      Fake.Core.Context (>= 5.22)
      Fake.Core.Environment (>= 5.22)
      Fake.Core.FakeVar (>= 5.22)
      Fake.Core.Process (>= 5.22)
      Fake.Core.String (>= 5.22)
      Fake.Core.Trace (>= 5.22)
      FSharp.Control.Reactive (>= 5.0.2)
      FSharp.Core (>= 6.0)
    Fake.Core.Tasks (5.22)
      Fake.Core.Trace (>= 5.22)
      FSharp.Core (>= 6.0)
    Fake.Core.Trace (5.22)
      Fake.Core.Environment (>= 5.22)
      Fake.Core.FakeVar (>= 5.22)
      FSharp.Core (>= 6.0)
    Fake.Core.Xml (5.22)
      Fake.Core.String (>= 5.22)
      FSharp.Core (>= 6.0)
    Fake.DotNet.AssemblyInfoFile (5.22)
      Fake.Core.Environment (>= 5.22)
      Fake.Core.String (>= 5.22)
      Fake.Core.Trace (>= 5.22)
      Fake.IO.FileSystem (>= 5.22)
      FSharp.Core (>= 6.0)
    Fake.DotNet.Cli (5.22)
      Fake.Core.Environment (>= 5.22)
      Fake.Core.Process (>= 5.22)
      Fake.Core.String (>= 5.22)
      Fake.Core.Trace (>= 5.22)
      Fake.DotNet.MSBuild (>= 5.22)
      Fake.DotNet.NuGet (>= 5.22)
      Fake.IO.FileSystem (>= 5.22)
      FSharp.Core (>= 6.0)
      Mono.Posix.NETStandard (>= 1.0)
      Newtonsoft.Json (>= 13.0.1)
    Fake.DotNet.MSBuild (5.22)
      BlackFox.VsWhere (>= 1.1)
      Fake.Core.Environment (>= 5.22)
      Fake.Core.Process (>= 5.22)
      Fake.Core.String (>= 5.22)
      Fake.Core.Trace (>= 5.22)
      Fake.IO.FileSystem (>= 5.22)
      FSharp.Core (>= 6.0)
      MSBuild.StructuredLogger (>= 2.1.545)
    Fake.DotNet.NuGet (5.22)
      Fake.Core.Environment (>= 5.22)
      Fake.Core.Process (>= 5.22)
      Fake.Core.SemVer (>= 5.22)
      Fake.Core.String (>= 5.22)
      Fake.Core.Tasks (>= 5.22)
      Fake.Core.Trace (>= 5.22)
      Fake.Core.Xml (>= 5.22)
      Fake.IO.FileSystem (>= 5.22)
      Fake.Net.Http (>= 5.22)
      FSharp.Core (>= 6.0)
      Newtonsoft.Json (>= 13.0.1)
      NuGet.Protocol (>= 5.11)
    Fake.DotNet.Paket (5.22)
      Fake.Core.Process (>= 5.22)
      Fake.Core.String (>= 5.22)
      Fake.Core.Trace (>= 5.22)
      Fake.DotNet.Cli (>= 5.22)
      Fake.IO.FileSystem (>= 5.22)
      FSharp.Core (>= 6.0)
    Fake.IO.FileSystem (5.22)
      Fake.Core.String (>= 5.22)
      FSharp.Core (>= 6.0)
    Fake.JavaScript.Npm (5.22)
      Fake.Core.Environment (>= 5.22)
      Fake.Core.Process (>= 5.22)
      Fake.IO.FileSystem (>= 5.22)
      Fake.Testing.Common (>= 5.22)
      FSharp.Core (>= 6.0)
    Fake.Net.Http (5.22)
      Fake.Core.Trace (>= 5.22)
      FSharp.Core (>= 6.0)
    Fake.Testing.Common (5.22)
      Fake.Core.Trace (>= 5.22)
      FSharp.Core (>= 6.0)
    FParsec (1.1.1)
      FSharp.Core (>= 4.3.4)
    FSharp.Control.Reactive (5.0.2)
      FSharp.Core (>= 4.7.2)
      System.Reactive (>= 5.0)
    FSharp.Core (6.0.3)
    Humanizer.Core (2.14.1)
    Microsoft.Bcl.AsyncInterfaces (6.0)
    Microsoft.Build (17.1)
      Microsoft.Build.Framework (>= 17.1)
      Microsoft.NET.StringTools (>= 1.0)
      Microsoft.Win32.Registry (>= 4.3)
      System.Collections.Immutable (>= 5.0)
      System.Configuration.ConfigurationManager (>= 4.7)
      System.Reflection.Metadata (>= 1.6)
      System.Security.Principal.Windows (>= 4.7)
      System.Text.Encoding.CodePages (>= 4.0.1)
      System.Text.Json (>= 6.0)
      System.Threading.Tasks.Dataflow (>= 6.0)
    Microsoft.Build.Framework (17.1)
      Microsoft.Win32.Registry (>= 4.3)
      System.Security.Permissions (>= 4.7)
    Microsoft.Build.Tasks.Core (17.1)
      Microsoft.Build.Framework (>= 17.1)
      Microsoft.Build.Utilities.Core (>= 17.1)
      Microsoft.NET.StringTools (>= 1.0)
      Microsoft.Win32.Registry (>= 4.3)
      System.CodeDom (>= 4.4)
      System.Collections.Immutable (>= 5.0)
      System.Reflection.Metadata (>= 1.6)
      System.Resources.Extensions (>= 4.6)
      System.Security.Cryptography.Pkcs (>= 4.7)
      System.Security.Cryptography.Xml (>= 4.7)
      System.Security.Permissions (>= 4.7)
      System.Threading.Tasks.Dataflow (>= 6.0)
    Microsoft.Build.Utilities.Core (17.1)
      Microsoft.Build.Framework (>= 17.1)
      Microsoft.NET.StringTools (>= 1.0)
      Microsoft.Win32.Registry (>= 4.3)
      System.Collections.Immutable (>= 5.0)
      System.Configuration.ConfigurationManager (>= 4.7)
      System.Security.Permissions (>= 4.7)
      System.Text.Encoding.CodePages (>= 4.0.1)
    Microsoft.CodeCoverage (17.1)
    Microsoft.CSharp (4.7)
    Microsoft.Data.SqlClient (4.1)
      Azure.Identity (>= 1.3)
      Microsoft.Data.SqlClient.SNI.runtime (>= 4.0)
      Microsoft.Identity.Client (>= 4.22)
      Microsoft.IdentityModel.JsonWebTokens (>= 6.8)
      Microsoft.IdentityModel.Protocols.OpenIdConnect (>= 6.8)
      Microsoft.Win32.Registry (>= 5.0)
      System.Buffers (>= 4.5.1)
      System.Configuration.ConfigurationManager (>= 5.0)
      System.Diagnostics.DiagnosticSource (>= 5.0)
      System.IO (>= 4.3)
      System.Resources.ResourceManager (>= 4.3)
      System.Runtime.Caching (>= 5.0)
      System.Security.Cryptography.Cng (>= 5.0)
      System.Security.Principal.Windows (>= 5.0)
      System.Text.Encoding.CodePages (>= 5.0)
      System.Text.Encodings.Web (>= 4.7.2)
    Microsoft.Data.SqlClient.SNI.runtime (4.0)
    Microsoft.EntityFrameworkCore (6.0.3)
      Microsoft.EntityFrameworkCore.Abstractions (>= 6.0.3)
      Microsoft.EntityFrameworkCore.Analyzers (>= 6.0.3)
      Microsoft.Extensions.Caching.Memory (>= 6.0.1)
      Microsoft.Extensions.DependencyInjection (>= 6.0)
      Microsoft.Extensions.Logging (>= 6.0)
      System.Collections.Immutable (>= 6.0)
      System.Diagnostics.DiagnosticSource (>= 6.0)
    Microsoft.EntityFrameworkCore.Abstractions (6.0.3)
    Microsoft.EntityFrameworkCore.Analyzers (6.0.3)
    Microsoft.EntityFrameworkCore.Design (6.0.3)
      Humanizer.Core (>= 2.8.26)
      Microsoft.EntityFrameworkCore.Relational (>= 6.0.3)
    Microsoft.EntityFrameworkCore.InMemory (6.0.3)
      Microsoft.EntityFrameworkCore (>= 6.0.3)
    Microsoft.EntityFrameworkCore.Relational (6.0.3)
      Microsoft.EntityFrameworkCore (>= 6.0.3)
      Microsoft.Extensions.Configuration.Abstractions (>= 6.0)
    Microsoft.EntityFrameworkCore.SqlServer (6.0.3)
      Microsoft.Data.SqlClient (>= 2.1.4)
      Microsoft.EntityFrameworkCore.Relational (>= 6.0.3)
    Microsoft.Extensions.Caching.Abstractions (6.0)
      Microsoft.Extensions.Primitives (>= 6.0)
    Microsoft.Extensions.Caching.Memory (6.0.1)
      Microsoft.Extensions.Caching.Abstractions (>= 6.0)
      Microsoft.Extensions.DependencyInjection.Abstractions (>= 6.0)
      Microsoft.Extensions.Logging.Abstractions (>= 6.0)
      Microsoft.Extensions.Options (>= 6.0)
      Microsoft.Extensions.Primitives (>= 6.0)
    Microsoft.Extensions.Configuration (6.0.1)
      Microsoft.Extensions.Configuration.Abstractions (>= 6.0)
      Microsoft.Extensions.Primitives (>= 6.0)
    Microsoft.Extensions.Configuration.Abstractions (6.0)
      Microsoft.Extensions.Primitives (>= 6.0)
    Microsoft.Extensions.Configuration.Binder (6.0)
      Microsoft.Extensions.Configuration.Abstractions (>= 6.0)
    Microsoft.Extensions.Configuration.CommandLine (6.0)
      Microsoft.Extensions.Configuration (>= 6.0)
      Microsoft.Extensions.Configuration.Abstractions (>= 6.0)
    Microsoft.Extensions.Configuration.EnvironmentVariables (6.0.1)
      Microsoft.Extensions.Configuration (>= 6.0)
      Microsoft.Extensions.Configuration.Abstractions (>= 6.0)
    Microsoft.Extensions.Configuration.FileExtensions (6.0)
      Microsoft.Extensions.Configuration (>= 6.0)
      Microsoft.Extensions.Configuration.Abstractions (>= 6.0)
      Microsoft.Extensions.FileProviders.Abstractions (>= 6.0)
      Microsoft.Extensions.FileProviders.Physical (>= 6.0)
      Microsoft.Extensions.Primitives (>= 6.0)
    Microsoft.Extensions.Configuration.Json (6.0)
      Microsoft.Extensions.Configuration (>= 6.0)
      Microsoft.Extensions.Configuration.Abstractions (>= 6.0)
      Microsoft.Extensions.Configuration.FileExtensions (>= 6.0)
      Microsoft.Extensions.FileProviders.Abstractions (>= 6.0)
      System.Text.Json (>= 6.0)
    Microsoft.Extensions.Configuration.UserSecrets (6.0.1)
      Microsoft.Extensions.Configuration.Abstractions (>= 6.0)
      Microsoft.Extensions.Configuration.Json (>= 6.0)
      Microsoft.Extensions.FileProviders.Abstractions (>= 6.0)
      Microsoft.Extensions.FileProviders.Physical (>= 6.0)
    Microsoft.Extensions.DependencyInjection (6.0)
      Microsoft.Extensions.DependencyInjection.Abstractions (>= 6.0)
      System.Runtime.CompilerServices.Unsafe (>= 6.0)
    Microsoft.Extensions.DependencyInjection.Abstractions (6.0)
    Microsoft.Extensions.FileProviders.Abstractions (6.0)
      Microsoft.Extensions.Primitives (>= 6.0)
    Microsoft.Extensions.FileProviders.Physical (6.0)
      Microsoft.Extensions.FileProviders.Abstractions (>= 6.0)
      Microsoft.Extensions.FileSystemGlobbing (>= 6.0)
      Microsoft.Extensions.Primitives (>= 6.0)
    Microsoft.Extensions.FileSystemGlobbing (7.0)
    Microsoft.Extensions.Hosting (6.0)
      Microsoft.Extensions.Configuration (>= 6.0)
      Microsoft.Extensions.Configuration.Abstractions (>= 6.0)
      Microsoft.Extensions.Configuration.Binder (>= 6.0)
      Microsoft.Extensions.Configuration.CommandLine (>= 6.0)
      Microsoft.Extensions.Configuration.EnvironmentVariables (>= 6.0)
      Microsoft.Extensions.Configuration.FileExtensions (>= 6.0)
      Microsoft.Extensions.Configuration.Json (>= 6.0)
      Microsoft.Extensions.Configuration.UserSecrets (>= 6.0)
      Microsoft.Extensions.DependencyInjection (>= 6.0)
      Microsoft.Extensions.DependencyInjection.Abstractions (>= 6.0)
      Microsoft.Extensions.FileProviders.Abstractions (>= 6.0)
      Microsoft.Extensions.FileProviders.Physical (>= 6.0)
      Microsoft.Extensions.Hosting.Abstractions (>= 6.0)
      Microsoft.Extensions.Logging (>= 6.0)
      Microsoft.Extensions.Logging.Abstractions (>= 6.0)
      Microsoft.Extensions.Logging.Configuration (>= 6.0)
      Microsoft.Extensions.Logging.Console (>= 6.0)
      Microsoft.Extensions.Logging.Debug (>= 6.0)
      Microsoft.Extensions.Logging.EventLog (>= 6.0)
      Microsoft.Extensions.Logging.EventSource (>= 6.0)
      Microsoft.Extensions.Options (>= 6.0)
    Microsoft.Extensions.Hosting.Abstractions (6.0)
      Microsoft.Extensions.Configuration.Abstractions (>= 6.0)
      Microsoft.Extensions.DependencyInjection.Abstractions (>= 6.0)
      Microsoft.Extensions.FileProviders.Abstractions (>= 6.0)
    Microsoft.Extensions.Logging (6.0)
      Microsoft.Extensions.DependencyInjection (>= 6.0)
      Microsoft.Extensions.DependencyInjection.Abstractions (>= 6.0)
      Microsoft.Extensions.Logging.Abstractions (>= 6.0)
      Microsoft.Extensions.Options (>= 6.0)
      System.Diagnostics.DiagnosticSource (>= 6.0)
    Microsoft.Extensions.Logging.Abstractions (6.0.1)
    Microsoft.Extensions.Logging.Configuration (6.0)
      Microsoft.Extensions.Configuration (>= 6.0)
      Microsoft.Extensions.Configuration.Abstractions (>= 6.0)
      Microsoft.Extensions.Configuration.Binder (>= 6.0)
      Microsoft.Extensions.DependencyInjection.Abstractions (>= 6.0)
      Microsoft.Extensions.Logging (>= 6.0)
      Microsoft.Extensions.Logging.Abstractions (>= 6.0)
      Microsoft.Extensions.Options (>= 6.0)
      Microsoft.Extensions.Options.ConfigurationExtensions (>= 6.0)
    Microsoft.Extensions.Logging.Console (6.0)
      Microsoft.Extensions.DependencyInjection.Abstractions (>= 6.0)
      Microsoft.Extensions.Logging (>= 6.0)
      Microsoft.Extensions.Logging.Abstractions (>= 6.0)
      Microsoft.Extensions.Logging.Configuration (>= 6.0)
      Microsoft.Extensions.Options (>= 6.0)
      System.Text.Json (>= 6.0)
    Microsoft.Extensions.Logging.Debug (6.0)
      Microsoft.Extensions.DependencyInjection.Abstractions (>= 6.0)
      Microsoft.Extensions.Logging (>= 6.0)
      Microsoft.Extensions.Logging.Abstractions (>= 6.0)
    Microsoft.Extensions.Logging.EventLog (6.0)
      Microsoft.Extensions.DependencyInjection.Abstractions (>= 6.0)
      Microsoft.Extensions.Logging (>= 6.0)
      Microsoft.Extensions.Logging.Abstractions (>= 6.0)
      Microsoft.Extensions.Options (>= 6.0)
      System.Diagnostics.EventLog (>= 6.0)
    Microsoft.Extensions.Logging.EventSource (6.0)
      Microsoft.Extensions.DependencyInjection.Abstractions (>= 6.0)
      Microsoft.Extensions.Logging (>= 6.0)
      Microsoft.Extensions.Logging.Abstractions (>= 6.0)
      Microsoft.Extensions.Options (>= 6.0)
      Microsoft.Extensions.Primitives (>= 6.0)
      System.Runtime.CompilerServices.Unsafe (>= 6.0)
      System.Text.Json (>= 6.0)
    Microsoft.Extensions.Options (6.0)
      Microsoft.Extensions.DependencyInjection.Abstractions (>= 6.0)
      Microsoft.Extensions.Primitives (>= 6.0)
    Microsoft.Extensions.Options.ConfigurationExtensions (6.0)
      Microsoft.Extensions.Configuration.Abstractions (>= 6.0)
      Microsoft.Extensions.Configuration.Binder (>= 6.0)
      Microsoft.Extensions.DependencyInjection.Abstractions (>= 6.0)
      Microsoft.Extensions.Options (>= 6.0)
      Microsoft.Extensions.Primitives (>= 6.0)
    Microsoft.Extensions.Primitives (6.0)
      System.Runtime.CompilerServices.Unsafe (>= 6.0)
    Microsoft.Identity.Client (4.42.1)
    Microsoft.Identity.Client.Extensions.Msal (2.19.6)
      Microsoft.Identity.Client (>= 4.42)
      System.Security.Cryptography.ProtectedData (>= 4.5)
    Microsoft.IdentityModel.JsonWebTokens (6.16)
      Microsoft.IdentityModel.Tokens (>= 6.16)
    Microsoft.IdentityModel.Logging (6.16)
    Microsoft.IdentityModel.Protocols (6.16)
      Microsoft.IdentityModel.Logging (>= 6.16)
      Microsoft.IdentityModel.Tokens (>= 6.16)
    Microsoft.IdentityModel.Protocols.OpenIdConnect (6.16)
      Microsoft.IdentityModel.Protocols (>= 6.16)
      System.IdentityModel.Tokens.Jwt (>= 6.16)
    Microsoft.IdentityModel.Tokens (6.16)
      Microsoft.CSharp (>= 4.5)
      Microsoft.IdentityModel.Logging (>= 6.16)
      System.Security.Cryptography.Cng (>= 4.5)
    Microsoft.NET.StringTools (1.0)
      System.Memory (>= 4.5.4)
      System.Runtime.CompilerServices.Unsafe (>= 5.0)
    Microsoft.NET.Test.Sdk (17.1)
      Microsoft.CodeCoverage (>= 17.1)
      Microsoft.TestPlatform.TestHost (>= 17.1)
    Microsoft.NETCore.Platforms (6.0.2)
    Microsoft.NETCore.Targets (5.0)
    Microsoft.TestPlatform.ObjectModel (17.1)
      NuGet.Frameworks (>= 5.11)
      System.Reflection.Metadata (>= 1.6)
    Microsoft.TestPlatform.TestHost (17.1)
      Microsoft.TestPlatform.ObjectModel (>= 17.1)
      Newtonsoft.Json (>= 9.0.1)
    Microsoft.Win32.Registry (5.0)
      System.Security.AccessControl (>= 5.0)
      System.Security.Principal.Windows (>= 5.0)
    Microsoft.Win32.SystemEvents (6.0)
    Mono.Posix.NETStandard (1.0)
    Moq (4.17.2)
      Castle.Core (>= 4.4.1)
      System.Threading.Tasks.Extensions (>= 4.5.4)
    MSBuild.StructuredLogger (2.1.630)
      Microsoft.Build (>= 16.10)
      Microsoft.Build.Framework (>= 16.10)
      Microsoft.Build.Tasks.Core (>= 16.10)
      Microsoft.Build.Utilities.Core (>= 16.10)
    NETStandard.Library (2.0.3)
      Microsoft.NETCore.Platforms (>= 1.1)
    Newtonsoft.Json (13.0.1)
    NodaTime (3.0.10)
      System.Runtime.CompilerServices.Unsafe (>= 4.7.1)
    NodaTime.Serialization.JsonNet (3.0)
      Newtonsoft.Json (>= 12.0.1)
      NodaTime (>= 3.0 < 4.0)
    NuGet.Common (6.1)
      NuGet.Frameworks (>= 6.1)
    NuGet.Configuration (6.1)
      NuGet.Common (>= 6.1)
      System.Security.Cryptography.ProtectedData (>= 4.4)
    NuGet.Frameworks (6.1)
    NuGet.Packaging (6.1)
      Newtonsoft.Json (>= 13.0.1)
      NuGet.Configuration (>= 6.1)
      NuGet.Versioning (>= 6.1)
      System.Security.Cryptography.Cng (>= 5.0)
      System.Security.Cryptography.Pkcs (>= 5.0)
    NuGet.Protocol (6.1)
      NuGet.Packaging (>= 6.1)
    NuGet.Versioning (6.1)
    NUnit (3.13.3)
      NETStandard.Library (>= 2.0)
    NUnit3TestAdapter (4.2.1)
    runtime.native.System (4.3.1)
      Microsoft.NETCore.Platforms (>= 1.1.1)
      Microsoft.NETCore.Targets (>= 1.1.3)
    Shouldly (4.0.3)
      DiffEngine (>= 6.4.9)
      EmptyFiles (>= 2.3.3)
      Microsoft.CSharp (>= 4.7)
      System.Memory (>= 4.5.4)
    SourceLink.Copy.PdbFiles (2.8.3) - copy_local: true
    SourceLink.Embed.AllSourceFiles (2.8.3) - copy_local: true
    SqlStreamStore (1.2)
      Microsoft.CSharp (>= 4.7)
    SqlStreamStore.MsSql (1.2)
      Microsoft.Data.SqlClient (>= 1.1)
      SqlStreamStore (>= 1.2)
    System.Buffers (4.5.1)
    System.CodeDom (6.0)
    System.Collections (4.3)
      Microsoft.NETCore.Platforms (>= 1.1)
      Microsoft.NETCore.Targets (>= 1.1)
      System.Runtime (>= 4.3)
    System.Collections.Immutable (6.0)
      System.Runtime.CompilerServices.Unsafe (>= 6.0)
    System.Collections.NonGeneric (4.3)
      System.Diagnostics.Debug (>= 4.3)
      System.Globalization (>= 4.3)
      System.Resources.ResourceManager (>= 4.3)
      System.Runtime (>= 4.3)
      System.Runtime.Extensions (>= 4.3)
      System.Threading (>= 4.3)
    System.Collections.Specialized (4.3)
      System.Collections.NonGeneric (>= 4.3)
      System.Globalization (>= 4.3)
      System.Globalization.Extensions (>= 4.3)
      System.Resources.ResourceManager (>= 4.3)
      System.Runtime (>= 4.3)
      System.Runtime.Extensions (>= 4.3)
      System.Threading (>= 4.3)
    System.ComponentModel (4.3)
      System.Runtime (>= 4.3)
    System.ComponentModel.Primitives (4.3)
      System.ComponentModel (>= 4.3)
      System.Resources.ResourceManager (>= 4.3)
      System.Runtime (>= 4.3)
    System.ComponentModel.TypeConverter (4.3)
      System.Collections (>= 4.3)
      System.Collections.NonGeneric (>= 4.3)
      System.Collections.Specialized (>= 4.3)
      System.ComponentModel (>= 4.3)
      System.ComponentModel.Primitives (>= 4.3)
      System.Globalization (>= 4.3)
      System.Linq (>= 4.3)
      System.Reflection (>= 4.3)
      System.Reflection.Extensions (>= 4.3)
      System.Reflection.Primitives (>= 4.3)
      System.Reflection.TypeExtensions (>= 4.3)
      System.Resources.ResourceManager (>= 4.3)
      System.Runtime (>= 4.3)
      System.Runtime.Extensions (>= 4.3)
      System.Threading (>= 4.3)
    System.Configuration.ConfigurationManager (6.0)
      System.Security.Cryptography.ProtectedData (>= 6.0)
      System.Security.Permissions (>= 6.0)
    System.Diagnostics.Debug (4.3)
      Microsoft.NETCore.Platforms (>= 1.1)
      Microsoft.NETCore.Targets (>= 1.1)
      System.Runtime (>= 4.3)
    System.Diagnostics.DiagnosticSource (6.0)
      System.Runtime.CompilerServices.Unsafe (>= 6.0)
    System.Diagnostics.EventLog (6.0)
    System.Diagnostics.TraceSource (4.3)
      Microsoft.NETCore.Platforms (>= 1.1)
      runtime.native.System (>= 4.3)
      System.Collections (>= 4.3)
      System.Diagnostics.Debug (>= 4.3)
      System.Globalization (>= 4.3)
      System.Resources.ResourceManager (>= 4.3)
      System.Runtime (>= 4.3)
      System.Runtime.Extensions (>= 4.3)
      System.Threading (>= 4.3)
    System.Drawing.Common (6.0)
      Microsoft.Win32.SystemEvents (>= 6.0)
    System.Dynamic.Runtime (4.3)
      System.Collections (>= 4.3)
      System.Diagnostics.Debug (>= 4.3)
      System.Linq (>= 4.3)
      System.Linq.Expressions (>= 4.3)
      System.ObjectModel (>= 4.3)
      System.Reflection (>= 4.3)
      System.Reflection.Emit (>= 4.3)
      System.Reflection.Emit.ILGeneration (>= 4.3)
      System.Reflection.Primitives (>= 4.3)
      System.Reflection.TypeExtensions (>= 4.3)
      System.Resources.ResourceManager (>= 4.3)
      System.Runtime (>= 4.3)
      System.Runtime.Extensions (>= 4.3)
      System.Threading (>= 4.3)
    System.Formats.Asn1 (6.0)
    System.Globalization (4.3)
      Microsoft.NETCore.Platforms (>= 1.1)
      Microsoft.NETCore.Targets (>= 1.1)
      System.Runtime (>= 4.3)
    System.Globalization.Extensions (4.3)
      Microsoft.NETCore.Platforms (>= 1.1)
      System.Globalization (>= 4.3)
      System.Resources.ResourceManager (>= 4.3)
      System.Runtime (>= 4.3)
      System.Runtime.Extensions (>= 4.3)
      System.Runtime.InteropServices (>= 4.3)
    System.IdentityModel.Tokens.Jwt (6.16)
      Microsoft.IdentityModel.JsonWebTokens (>= 6.16)
      Microsoft.IdentityModel.Tokens (>= 6.16)
    System.IO (4.3)
      Microsoft.NETCore.Platforms (>= 1.1)
      Microsoft.NETCore.Targets (>= 1.1)
      System.Runtime (>= 4.3)
      System.Text.Encoding (>= 4.3)
      System.Threading.Tasks (>= 4.3)
    System.IO.FileSystem (4.3)
      Microsoft.NETCore.Platforms (>= 1.1)
      Microsoft.NETCore.Targets (>= 1.1)
      System.IO (>= 4.3)
      System.IO.FileSystem.Primitives (>= 4.3)
      System.Runtime (>= 4.3)
      System.Runtime.Handles (>= 4.3)
      System.Text.Encoding (>= 4.3)
      System.Threading.Tasks (>= 4.3)
    System.IO.FileSystem.Primitives (4.3)
      System.Runtime (>= 4.3)
    System.Linq (4.3)
      System.Collections (>= 4.3)
      System.Diagnostics.Debug (>= 4.3)
      System.Resources.ResourceManager (>= 4.3)
      System.Runtime (>= 4.3)
      System.Runtime.Extensions (>= 4.3)
    System.Linq.Expressions (4.3)
      System.Collections (>= 4.3)
      System.Diagnostics.Debug (>= 4.3)
      System.Globalization (>= 4.3)
      System.IO (>= 4.3)
      System.Linq (>= 4.3)
      System.ObjectModel (>= 4.3)
      System.Reflection (>= 4.3)
      System.Reflection.Emit (>= 4.3)
      System.Reflection.Emit.ILGeneration (>= 4.3)
      System.Reflection.Emit.Lightweight (>= 4.3)
      System.Reflection.Extensions (>= 4.3)
      System.Reflection.Primitives (>= 4.3)
      System.Reflection.TypeExtensions (>= 4.3)
      System.Resources.ResourceManager (>= 4.3)
      System.Runtime (>= 4.3)
      System.Runtime.Extensions (>= 4.3)
      System.Threading (>= 4.3)
    System.Management (6.0)
      System.CodeDom (>= 6.0)
    System.Memory (4.5.4)
    System.Memory.Data (6.0)
      System.Text.Json (>= 6.0)
    System.Numerics.Vectors (4.5)
    System.ObjectModel (4.3)
      System.Collections (>= 4.3)
      System.Diagnostics.Debug (>= 4.3)
      System.Resources.ResourceManager (>= 4.3)
      System.Runtime (>= 4.3)
      System.Threading (>= 4.3)
    System.Reactive (5.0)
    System.Reflection (4.3)
      Microsoft.NETCore.Platforms (>= 1.1)
      Microsoft.NETCore.Targets (>= 1.1)
      System.IO (>= 4.3)
      System.Reflection.Primitives (>= 4.3)
      System.Runtime (>= 4.3)
    System.Reflection.Emit (4.7)
    System.Reflection.Emit.ILGeneration (4.7)
    System.Reflection.Emit.Lightweight (4.7)
    System.Reflection.Extensions (4.3)
      Microsoft.NETCore.Platforms (>= 1.1)
      Microsoft.NETCore.Targets (>= 1.1)
      System.Reflection (>= 4.3)
      System.Runtime (>= 4.3)
    System.Reflection.Metadata (6.0.1)
      System.Collections.Immutable (>= 6.0)
    System.Reflection.Primitives (4.3)
      Microsoft.NETCore.Platforms (>= 1.1)
      Microsoft.NETCore.Targets (>= 1.1)
      System.Runtime (>= 4.3)
    System.Reflection.TypeExtensions (4.7)
    System.Resources.Extensions (6.0)
    System.Resources.ResourceManager (4.3)
      Microsoft.NETCore.Platforms (>= 1.1)
      Microsoft.NETCore.Targets (>= 1.1)
      System.Globalization (>= 4.3)
      System.Reflection (>= 4.3)
      System.Runtime (>= 4.3)
    System.Runtime (4.3.1)
      Microsoft.NETCore.Platforms (>= 1.1.1)
      Microsoft.NETCore.Targets (>= 1.1.3)
    System.Runtime.Caching (6.0)
      System.Configuration.ConfigurationManager (>= 6.0)
    System.Runtime.CompilerServices.Unsafe (6.0)
    System.Runtime.Extensions (4.3.1)
      Microsoft.NETCore.Platforms (>= 1.1.1)
      Microsoft.NETCore.Targets (>= 1.1.3)
      System.Runtime (>= 4.3.1)
    System.Runtime.Handles (4.3)
      Microsoft.NETCore.Platforms (>= 1.1)
      Microsoft.NETCore.Targets (>= 1.1)
      System.Runtime (>= 4.3)
    System.Runtime.InteropServices (4.3)
      Microsoft.NETCore.Platforms (>= 1.1)
      Microsoft.NETCore.Targets (>= 1.1)
      System.Reflection (>= 4.3)
      System.Reflection.Primitives (>= 4.3)
      System.Runtime (>= 4.3)
      System.Runtime.Handles (>= 4.3)
    System.Security.AccessControl (6.0)
    System.Security.Cryptography.Cng (5.0)
      System.Formats.Asn1 (>= 5.0)
    System.Security.Cryptography.Pkcs (6.0)
      System.Formats.Asn1 (>= 6.0)
    System.Security.Cryptography.ProtectedData (6.0)
    System.Security.Cryptography.Xml (6.0)
      System.Security.AccessControl (>= 6.0)
      System.Security.Cryptography.Pkcs (>= 6.0)
    System.Security.Permissions (6.0)
      System.Security.AccessControl (>= 6.0)
      System.Windows.Extensions (>= 6.0)
    System.Security.Principal.Windows (5.0)
    System.Text.Encoding (4.3)
      Microsoft.NETCore.Platforms (>= 1.1)
      Microsoft.NETCore.Targets (>= 1.1)
      System.Runtime (>= 4.3)
    System.Text.Encoding.CodePages (6.0)
      System.Runtime.CompilerServices.Unsafe (>= 6.0)
    System.Text.Encoding.Extensions (4.3)
      Microsoft.NETCore.Platforms (>= 1.1)
      Microsoft.NETCore.Targets (>= 1.1)
      System.Runtime (>= 4.3)
      System.Text.Encoding (>= 4.3)
    System.Text.Encodings.Web (6.0)
      System.Runtime.CompilerServices.Unsafe (>= 6.0)
    System.Text.Json (6.0.2)
      System.Runtime.CompilerServices.Unsafe (>= 6.0)
      System.Text.Encodings.Web (>= 6.0)
    System.Text.RegularExpressions (4.3.1)
      System.Runtime (>= 4.3.1)
    System.Threading (4.3)
      System.Runtime (>= 4.3)
      System.Threading.Tasks (>= 4.3)
    System.Threading.Tasks (4.3)
      Microsoft.NETCore.Platforms (>= 1.1)
      Microsoft.NETCore.Targets (>= 1.1)
      System.Runtime (>= 4.3)
    System.Threading.Tasks.Dataflow (6.0)
    System.Threading.Tasks.Extensions (4.5.4)
    System.Windows.Extensions (6.0)
      System.Drawing.Common (>= 6.0)
    System.Xml.ReaderWriter (4.3.1)
      System.Collections (>= 4.3)
      System.Diagnostics.Debug (>= 4.3)
      System.Globalization (>= 4.3)
      System.IO (>= 4.3)
      System.IO.FileSystem (>= 4.3)
      System.IO.FileSystem.Primitives (>= 4.3)
      System.Resources.ResourceManager (>= 4.3)
      System.Runtime (>= 4.3)
      System.Runtime.Extensions (>= 4.3)
      System.Runtime.InteropServices (>= 4.3)
      System.Text.Encoding (>= 4.3)
      System.Text.Encoding.Extensions (>= 4.3)
      System.Text.RegularExpressions (>= 4.3)
      System.Threading.Tasks (>= 4.3)
      System.Threading.Tasks.Extensions (>= 4.3)
    System.Xml.XmlDocument (4.3)
      System.Collections (>= 4.3)
      System.Diagnostics.Debug (>= 4.3)
      System.Globalization (>= 4.3)
      System.IO (>= 4.3)
      System.Resources.ResourceManager (>= 4.3)
      System.Runtime (>= 4.3)
      System.Runtime.Extensions (>= 4.3)
      System.Text.Encoding (>= 4.3)
      System.Threading (>= 4.3)
      System.Xml.ReaderWriter (>= 4.3)
    xunit (2.4.1)
      xunit.analyzers (>= 0.10)
      xunit.assert (2.4.1)
      xunit.core (2.4.1)
    xunit.abstractions (2.0.3)
    xunit.analyzers (0.10)
    xunit.assert (2.4.1)
      NETStandard.Library (>= 1.6.1)
    xunit.core (2.4.1)
      xunit.extensibility.core (2.4.1)
      xunit.extensibility.execution (2.4.1)
    xunit.extensibility.core (2.4.1)
      NETStandard.Library (>= 1.6.1)
      xunit.abstractions (>= 2.0.3)
    xunit.extensibility.execution (2.4.1)
      NETStandard.Library (>= 1.6.1)
      xunit.extensibility.core (2.4.1)
    xunit.runner.visualstudio (2.4.3)
